GIT
  remote: https://github.com/rgeo/rgeo.git
  revision: 9c68a35e8d59f6ed3cf2d3d7b86450f0572adab2
  tag: v2.0.1
  specs:
    rgeo (2.0.1)

PATH
  remote: engines/address_book
  specs:
    address_book (9999.1.0.0)
      core
      geocoder
      pg_search
      tenants

PATH
  remote: engines/admiralty_assets
  specs:
    admiralty_assets (9999.1.0.0)
      bootstrap (~> 4.4.1)
      core
      jquery-rails

PATH
  remote: engines/admiralty_auth
  specs:
    admiralty_auth (9999.1.0.0)
      admiralty_assets
      core
      google_sign_in (~> 1.1.2)

PATH
  remote: engines/admiralty_reports
  specs:
    admiralty_reports (9999.1.0.0)
      admiralty_assets
      admiralty_auth
      axlsx
      axlsx_rails
      core
      quotations
      rubyzip
      tenants

PATH
  remote: engines/admiralty_tenants
  specs:
    admiralty_tenants (9999.1.0.0)
      admiralty_assets
      admiralty_auth
      core
      jsoneditor-rails
      legacy
      rails (~> 5.2.1)
      tenants

PATH
  remote: engines/admiralty
  specs:
    admiralty (9999.1.0.0)
      admiralty_assets
      admiralty_auth
      admiralty_reports
      admiralty_tenants
      core
      legacy
      quotations
      shipments
      tenants

PATH
  remote: engines/api_auth
  specs:
    api_auth (9999.1.0.0)
      active_model_serializers (~> 0.10, >= 0.10.8)
      core
      doorkeeper (~> 5.0.2)
      sorcery (~> 0.13.0)
      tenants

PATH
  remote: engines/api_docs
  specs:
    api_docs (9999.1.0.0)
      core
      raddocs

PATH
  remote: engines/api
  specs:
    api (9999.1.0.0)
      active_model_serializers (~> 0.10, >= 0.10.8)
      api_auth
      core
      profiles
      tenants
      trucking
      wheelhouse

PATH
  remote: engines/cargo
  specs:
    cargo (9999.1.0.0)
      core
      measured-rails
      tenants

PATH
  remote: engines/core
  specs:
    core (9999.1.0.0)
      activerecord-postgis-adapter (= 5.2.2)
      config (~> 1.7.1)
      dry-logic (>= 0.4.2, < 0.5.0)
      paper_trail (~> 10.1, >= 10.1.0)
      pg (>= 0.18, < 2.0)
      rails (= 5.2.2)
      strong_migrations (= 0.4.1)

PATH
  remote: engines/federation
  specs:
    federation (9999.1.0.0)
      core
      tenants

PATH
  remote: engines/helmsman
  specs:
    helmsman (9999.1.0.0)
      core
      federation
      ledger
      routing
      tenant_routing
      tenants

PATH
  remote: engines/integrations
  specs:
    integrations (9999.1.0.0)
      core
      profiles
      shipments

PATH
  remote: engines/ledger
  specs:
    ledger (9999.1.0.0)
      cargo
      core
      money-rails
      routing
      tenant_routing
      tenants
      uuidtools

PATH
  remote: engines/legacy
  specs:
    legacy (9999.1.0.0)
      active_model_serializers
      activerecord-import
      core
      fixer_currency (~> 3.4)
      geocoder
      mobility
      paranoia
      pg_search (~> 2.3.0)
      profiles

PATH
  remote: engines/locations
  specs:
    locations (0.0.1)
      core
      elasticsearch (~> 7.3.0)
      rgeo
      rgeo-geojson
      searchkick (~> 4.1.0)

PATH
  remote: engines/mailers
  specs:
    mailers (9999.1.0.0)
      core

PATH
  remote: engines/offer_calculator
  specs:
    offer_calculator (9999.1.0.0)
      chronic
      core
      legacy
      pricings
      quotations
      sentry-raven
      tenants
      trucking

PATH
  remote: engines/pricings
  specs:
    pricings (9999.1.0.0)
      core
      geocoder
      legacy
      tenants
      trucking

PATH
  remote: engines/profiles
  specs:
    profiles (9999.1.0.0)
      core
      pg_search

PATH
  remote: engines/quotations
  specs:
    quotations (9999.1.0.0)
      cargo
      core
      legacy
      money-rails
      tenants

PATH
  remote: engines/rms_data
  specs:
    rms_data (9999.1.0.0)
      core
      tenants

PATH
  remote: engines/rms_export
  specs:
    rms_export (9999.1.0.0)
      core
      routing
      write_xlsx

PATH
  remote: engines/rms_sync
  specs:
    rms_sync (9999.1.0.0)
      activerecord-import
      core
      legacy
      pricings
      rms_data
      routing
      tenants

PATH
  remote: engines/routing
  specs:
    routing (9999.1.0.0)
      activerecord-import
      bitfields
      core
      rgeo
      rgeo-geojson

PATH
  remote: engines/sequential
  specs:
    sequential (9999.1.0.0)
      core

PATH
  remote: engines/shipments
  specs:
    shipments (9999.1.0.0)
      aasm
      address_book
      cargo
      core
      money-rails (~> 1.12)
      quotations
      routing
      sequential
      tenants

PATH
  remote: engines/tenant_routing
  specs:
    tenant_routing (9999.1.0.0)
      bitfields
      core
      routing
      tenants

PATH
  remote: engines/tenants
  specs:
    tenants (9999.1.0.0)
      core
      legacy
      mailers
      paranoia
      pg_search (~> 2.3.0)
      profiles
      sorcery (~> 0.13.0)

PATH
  remote: engines/trucking
  specs:
    trucking (9999.1.0.0)
      core
      geocoder
      legacy
      locations
      paper_trail
      roo
      roo-xls
      tenants
      will_paginate

PATH
  remote: engines/validator
  specs:
    validator (9999.1.0.0)
      core
      legacy
      pricings
      tenants
      trucking

PATH
  remote: engines/wheelhouse
  specs:
    wheelhouse (9999.1.0.0)
      core
      legacy
      offer_calculator
      tenants

GEM
  remote: https://rubygems.org/
  specs:
    aasm (5.0.6)
      concurrent-ruby (~> 1.0)
    actioncable (5.2.2)
      actionpack (= 5.2.2)
      nio4r (~> 2.0)
      websocket-driver (>= 0.6.1)
    actionmailer (5.2.2)
      actionpack (= 5.2.2)
      actionview (= 5.2.2)
      activejob (= 5.2.2)
      mail (~> 2.5, >= 2.5.4)
      rails-dom-testing (~> 2.0)
    actionpack (5.2.2)
      actionview (= 5.2.2)
      activesupport (= 5.2.2)
      rack (~> 2.0)
      rack-test (>= 0.6.3)
      rails-dom-testing (~> 2.0)
      rails-html-sanitizer (~> 1.0, >= 1.0.2)
    actionview (5.2.2)
      activesupport (= 5.2.2)
      builder (~> 3.1)
      erubi (~> 1.4)
      rails-dom-testing (~> 2.0)
      rails-html-sanitizer (~> 1.0, >= 1.0.3)
    active_model_serializers (0.10.10)
      actionpack (>= 4.1, < 6.1)
      activemodel (>= 4.1, < 6.1)
      case_transform (>= 0.2)
      jsonapi-renderer (>= 0.1.1.beta1, < 0.3)
    activejob (5.2.2)
      activesupport (= 5.2.2)
      globalid (>= 0.3.6)
    activemodel (5.2.2)
      activesupport (= 5.2.2)
    activerecord (5.2.2)
      activemodel (= 5.2.2)
      activesupport (= 5.2.2)
      arel (>= 9.0)
    activerecord-import (1.0.2)
      activerecord (>= 3.2)
    activerecord-postgis-adapter (5.2.2)
      activerecord (~> 5.1)
      rgeo-activerecord (~> 6.0)
    activestorage (5.2.2)
      actionpack (= 5.2.2)
      activerecord (= 5.2.2)
      marcel (~> 0.3.1)
    activesupport (5.2.2)
      concurrent-ruby (~> 1.0, >= 1.0.2)
      i18n (>= 0.7, < 2)
      minitest (~> 5.1)
      tzinfo (~> 1.1)
    addressable (2.7.0)
      public_suffix (>= 2.0.2, < 5.0)
    annotate (3.0.3)
      activerecord (>= 3.2, < 7.0)
      rake (>= 10.4, < 14.0)
    arel (9.0.0)
    ast (2.4.0)
    autoprefixer-rails (9.7.4)
      execjs
    aws-eventstream (1.0.3)
    aws-partitions (1.218.0)
    aws-sdk-cloudfront (1.11.0)
      aws-sdk-core (~> 3, >= 3.39.0)
      aws-sigv4 (~> 1.0)
    aws-sdk-core (3.68.0)
      aws-eventstream (~> 1.0, >= 1.0.2)
      aws-partitions (~> 1.0)
      aws-sigv4 (~> 1.1)
      jmespath (~> 1.0)
    aws-sdk-kms (1.24.0)
      aws-sdk-core (~> 3, >= 3.61.1)
      aws-sigv4 (~> 1.1)
    aws-sdk-route53 (1.17.0)
      aws-sdk-core (~> 3, >= 3.39.0)
      aws-sigv4 (~> 1.0)
    aws-sdk-s3 (1.30.1)
      aws-sdk-core (~> 3, >= 3.39.0)
      aws-sdk-kms (~> 1)
      aws-sigv4 (~> 1.0)
    aws-sdk-sqs (1.10.0)
      aws-sdk-core (~> 3, >= 3.39.0)
      aws-sigv4 (~> 1.0)
    aws-sigv4 (1.1.0)
      aws-eventstream (~> 1.0, >= 1.0.2)
    axlsx (1.3.6)
      htmlentities (~> 4.3.1)
      nokogiri (>= 1.4.1)
      rubyzip (>= 0.9.5)
    axlsx_rails (0.6.0)
      actionpack (>= 3.1)
      caxlsx (>= 3.0)
    bcrypt (3.1.13)
    better_errors (2.5.1)
      coderay (>= 1.0.0)
      erubi (>= 1.0.0)
      rack (>= 0.9.0)
    binding_of_caller (0.8.0)
      debug_inspector (>= 0.0.1)
    bitfields (0.11.0)
      activerecord (>= 5.1)
    bootsnap (1.4.5)
      msgpack (~> 1.0)
    bootstrap (4.4.1)
      autoprefixer-rails (>= 9.1.0)
      popper_js (>= 1.14.3, < 2)
      sassc-rails (>= 2.0.0)
    breezy_pdf_lite (0.0.1)
    builder (3.2.4)
    byebug (11.0.1)
    case_transform (0.2)
      activesupport
    caxlsx (3.0.1)
      htmlentities (~> 4.3, >= 4.3.4)
      mimemagic (~> 0.3)
      nokogiri (~> 1.10, >= 1.10.4)
      rubyzip (>= 1.3.0, < 3)
    choice (0.2.0)
    chronic (0.10.2)
    coderay (1.1.2)
    concurrent-ruby (1.1.6)
    config (1.7.2)
      activesupport (>= 3.0)
      deep_merge (~> 1.2, >= 1.2.1)
      dry-validation (~> 0.12, >= 0.12.2, < 1.0.0)
    crack (0.4.3)
      safe_yaml (~> 1.0.0)
    crass (1.0.6)
    debase (0.2.4.1)
      debase-ruby_core_source (>= 0.10.2)
    debase-ruby_core_source (0.10.5)
    debug_inspector (0.0.3)
    deep_merge (1.2.1)
    devise (4.4.3)
      bcrypt (~> 3.0)
      orm_adapter (~> 0.1)
      railties (>= 4.1.0, < 6.0)
      responders
      warden (~> 1.2.3)
    devise_token_auth (0.1.43)
      devise (> 3.5.2, < 4.5)
      rails (< 6)
    diff-lcs (1.3)
    docile (1.3.2)
    domain_name (0.5.20190701)
      unf (>= 0.0.5, < 1.0.0)
    doorkeeper (5.0.2)
      railties (>= 4.2)
    dotenv (2.7.5)
    dotenv-rails (2.7.5)
      dotenv (= 2.7.5)
      railties (>= 3.2, < 6.1)
    dry-configurable (0.8.3)
      concurrent-ruby (~> 1.0)
      dry-core (~> 0.4, >= 0.4.7)
    dry-container (0.7.2)
      concurrent-ruby (~> 1.0)
      dry-configurable (~> 0.1, >= 0.1.3)
    dry-core (0.4.9)
      concurrent-ruby (~> 1.0)
    dry-equalizer (0.2.2)
    dry-inflector (0.1.2)
    dry-logic (0.4.2)
      dry-container (~> 0.2, >= 0.2.6)
      dry-core (~> 0.2)
      dry-equalizer (~> 0.2)
    dry-types (0.13.4)
      concurrent-ruby (~> 1.0)
      dry-container (~> 0.3)
      dry-core (~> 0.4, >= 0.4.4)
      dry-equalizer (~> 0.2)
      dry-inflector (~> 0.1, >= 0.1.2)
      dry-logic (~> 0.4, >= 0.4.2)
    dry-validation (0.12.3)
      concurrent-ruby (~> 1.0)
      dry-configurable (~> 0.1, >= 0.1.3)
      dry-core (~> 0.2, >= 0.2.1)
      dry-equalizer (~> 0.2)
      dry-logic (~> 0.4.2)
      dry-types (~> 0.13.1)
    easymon (1.4.2)
      redis
    elasticsearch (7.3.0)
      elasticsearch-api (= 7.3.0)
      elasticsearch-transport (= 7.3.0)
    elasticsearch-api (7.3.0)
      multi_json
    elasticsearch-transport (7.3.0)
      faraday
      multi_json
    erubi (1.9.0)
    execjs (2.7.0)
    factory_bot (4.11.1)
      activesupport (>= 3.0.0)
    factory_bot_rails (4.11.1)
      factory_bot (~> 4.11.1)
      railties (>= 3.0.0)
    faraday (0.15.4)
      multipart-post (>= 1.2, < 3)
    ffi (1.11.3)
    filterrific (5.2.1)
    fixer_currency (3.4.3)
      money (~> 6.7)
    font-awesome-rails (4.7.0.5)
      railties (>= 3.2, < 6.1)
    fuubar (2.4.1)
      rspec-core (~> 3.0)
      ruby-progressbar (~> 1.4)
    geocoder (1.5.1)
    globalid (0.4.2)
      activesupport (>= 4.2.0)
    google-cloud-core (1.3.1)
      google-cloud-env (~> 1.0)
    google-cloud-env (1.2.1)
      faraday (~> 0.11)
    google-cloud-translate (1.3.1)
      faraday (~> 0.13)
      google-cloud-core (~> 1.2)
      googleauth (>= 0.6.2, < 0.10.0)
    google-id-token (1.4.2)
      jwt (>= 1)
    google_sign_in (1.1.2)
      google-id-token (>= 1.4.0)
      oauth2 (>= 1.4.0)
      rails (>= 5.2.0)
    googleauth (0.6.7)
      faraday (~> 0.12)
      jwt (>= 1.4, < 3.0)
      memoist (~> 0.16)
      multi_json (~> 1.11)
      os (>= 0.9, < 2.0)
      signet (~> 0.7)
    haml (5.1.2)
      temple (>= 0.8.0)
      tilt
    hashdiff (1.0.0)
    hashie (3.6.0)
    holidays (7.1.0)
    htmlentities (4.3.4)
    http-cookie (1.0.3)
      domain_name (~> 0.5)
    i18n (1.8.2)
      concurrent-ruby (~> 1.0)
    jaro_winkler (1.5.4)
    jmespath (1.4.0)
    jquery-rails (4.3.5)
      rails-dom-testing (>= 1, < 3)
      railties (>= 4.2.0)
      thor (>= 0.14, < 2.0)
    json (2.2.0)
    jsonapi-renderer (0.2.2)
    jsoneditor-rails (1.0.3)
      sass-rails
    jwt (2.2.1)
    launchy (2.4.3)
      addressable (~> 2.3)
    letter_opener (1.7.0)
      launchy (~> 2.2)
    listen (3.1.5)
      rb-fsevent (~> 0.9, >= 0.9.4)
      rb-inotify (~> 0.9, >= 0.9.7)
      ruby_dep (~> 1.2)
    lograge (0.11.2)
      actionpack (>= 4)
      activesupport (>= 4)
      railties (>= 4)
      request_store (~> 1.0)
    loofah (2.4.0)
      crass (~> 1.0.2)
      nokogiri (>= 1.5.9)
    mail (2.7.1)
      mini_mime (>= 0.1.1)
    mailgun-ruby (1.2.0)
      rest-client (~> 2.0.2)
    marcel (0.3.3)
      mimemagic (~> 0.3.2)
    marginalia (1.8.0)
      actionpack (>= 2.3)
      activerecord (>= 2.3)
    measured (2.5.1)
      activesupport (>= 5.0)
    measured-rails (2.5.1)
      activemodel (>= 4.2)
      activerecord (>= 4.2)
      measured (= 2.5.1)
      railties (>= 4.2)
    memoist (0.16.0)
    method_source (0.9.2)
    mime-types (3.3)
      mime-types-data (~> 3.2015)
    mime-types-data (3.2019.0904)
    mimemagic (0.3.3)
    mini_magick (4.9.5)
    mini_mime (1.0.2)
    mini_portile2 (2.4.0)
    minitest (5.14.0)
    mjml-rails (4.3.1)
    mobility (0.8.8)
      i18n (>= 0.6.10, < 2)
      request_store (~> 1.0)
    monetize (1.9.2)
      money (~> 6.12)
    money (6.13.4)
      i18n (>= 0.6.4, <= 2)
    money-rails (1.13.2)
      activesupport (>= 3.0)
      monetize (~> 1.9.0)
      money (~> 6.13.2)
      railties (>= 3.0)
    msgpack (1.2.10)
    multi_json (1.13.1)
    multi_xml (0.6.0)
    multipart-post (2.1.1)
    mustermann (1.0.3)
    netrc (0.11.0)
    nio4r (2.5.1)
    nokogiri (1.10.8)
      mini_portile2 (~> 2.4.0)
    oauth (0.5.4)
    oauth2 (1.4.1)
      faraday (>= 0.8, < 0.16.0)
      jwt (>= 1.0, < 3.0)
      multi_json (~> 1.3)
      multi_xml (~> 0.5)
      rack (>= 1.2, < 3)
    omniauth (1.9.0)
      hashie (>= 3.4.6, < 3.7.0)
      rack (>= 1.6.2, < 3)
    orm_adapter (0.5.0)
    os (1.0.1)
    paper_trail (10.3.1)
      activerecord (>= 4.2)
      request_store (~> 1.1)
    parallel (1.19.1)
    paranoia (2.4.2)
      activerecord (>= 4.0, < 6.1)
    parser (2.7.0.2)
      ast (~> 2.4.0)
    pdfkit (0.8.4.1)
    pg (1.1.4)
    pg_search (2.3.0)
      activerecord (>= 4.2)
      activesupport (>= 4.2)
    popper_js (1.16.0)
    pry (0.12.2)
      coderay (~> 1.1.0)
      method_source (~> 0.9.0)
    pry-rails (0.3.9)
      pry (>= 0.10.4)
    public_suffix (4.0.1)
    puma (3.12.1)
    rack (2.2.2)
    rack-cors (1.0.5)
      rack (>= 1.6.0)
    rack-protection (2.0.7)
      rack
    rack-test (1.1.0)
      rack (>= 1.0, < 3)
    raddocs (2.2.0)
      haml (>= 4.0)
      json
      sinatra (~> 2.0)
    rails (5.2.2)
      actioncable (= 5.2.2)
      actionmailer (= 5.2.2)
      actionpack (= 5.2.2)
      actionview (= 5.2.2)
      activejob (= 5.2.2)
      activemodel (= 5.2.2)
      activerecord (= 5.2.2)
      activestorage (= 5.2.2)
      activesupport (= 5.2.2)
      bundler (>= 1.3.0)
      railties (= 5.2.2)
      sprockets-rails (>= 2.0.0)
    rails-dom-testing (2.0.3)
      activesupport (>= 4.2.0)
      nokogiri (>= 1.6)
    rails-erd (1.6.0)
      activerecord (>= 4.2)
      activesupport (>= 4.2)
      choice (~> 0.2.0)
      ruby-graphviz (~> 1.2)
    rails-html-sanitizer (1.3.0)
      loofah (~> 2.3)
    rails-i18n (5.1.3)
      i18n (>= 0.7, < 2)
      railties (>= 5.0, < 6)
    railties (5.2.2)
      actionpack (= 5.2.2)
      activesupport (= 5.2.2)
      method_source
      rake (>= 0.8.7)
      thor (>= 0.19.0, < 2.0)
    rainbow (3.0.0)
    rake (12.3.3)
    rb-fsevent (0.10.3)
    rb-inotify (0.10.0)
      ffi (~> 1.0)
    recipient_interceptor (0.2.0)
      mail
    redis (4.1.3)
    request_store (1.4.1)
      rack (>= 1.4)
    responders (3.0.0)
      actionpack (>= 5.0)
      railties (>= 5.0)
    rest-client (2.0.2)
      http-cookie (>= 1.0.2, < 2.0)
      mime-types (>= 1.16, < 4.0)
      netrc (~> 0.8)
    rgeo-activerecord (6.2.1)
      activerecord (>= 5.0)
      rgeo (>= 1.0.0)
    rgeo-geojson (2.1.1)
      rgeo (>= 1.0.0)
    roo (2.8.2)
      nokogiri (~> 1)
      rubyzip (>= 1.2.1, < 2.0.0)
    roo-xls (1.2.0)
      nokogiri
      roo (>= 2.0.0, < 3)
      spreadsheet (> 0.9.0)
    rspec-core (3.8.2)
      rspec-support (~> 3.8.0)
    rspec-expectations (3.8.4)
      diff-lcs (>= 1.2.0, < 2.0)
      rspec-support (~> 3.8.0)
    rspec-mocks (3.8.1)
      diff-lcs (>= 1.2.0, < 2.0)
      rspec-support (~> 3.8.0)
    rspec-rails (3.8.2)
      actionpack (>= 3.0)
      activesupport (>= 3.0)
      railties (>= 3.0)
      rspec-core (~> 3.8.0)
      rspec-expectations (~> 3.8.0)
      rspec-mocks (~> 3.8.0)
      rspec-support (~> 3.8.0)
    rspec-support (3.8.2)
    rspec_junit_formatter (0.4.1)
      rspec-core (>= 2, < 4, != 2.12.0)
    rubocop (0.79.0)
      jaro_winkler (~> 1.5.1)
      parallel (~> 1.10)
      parser (>= 2.7.0.1)
      rainbow (>= 2.2.2, < 4.0)
      ruby-progressbar (~> 1.7)
      unicode-display_width (>= 1.4.0, < 1.7)
    rubocop-itsmycargo (0.1.9)
      rubocop
      rubocop-performance
      rubocop-rails
      rubocop-rspec
    rubocop-performance (1.5.2)
      rubocop (>= 0.71.0)
    rubocop-rails (2.4.2)
      rack (>= 1.1)
      rubocop (>= 0.72.0)
    rubocop-rspec (1.38.0)
      rubocop (>= 0.68.1)
    ruby-debug-ide (0.7.0)
      rake (>= 0.8.1)
    ruby-graphviz (1.2.4)
    ruby-ole (1.2.12.2)
    ruby-progressbar (1.10.1)
    ruby-saml (1.11.0)
      nokogiri (>= 1.5.10)
    ruby_dep (1.5.0)
    rubyzip (1.3.0)
    safe_yaml (1.0.5)
    sass-rails (6.0.0)
      sassc-rails (~> 2.1, >= 2.1.1)
    sassc (2.2.1)
      ffi (~> 1.9)
    sassc-rails (2.1.2)
      railties (>= 4.0.0)
      sassc (>= 2.0)
      sprockets (> 3.0)
      sprockets-rails
      tilt
    scientist (1.4.0)
    searchkick (4.1.0)
      activemodel (>= 5)
      elasticsearch (>= 6)
      hashie
    sentry-raven (2.11.2)
      faraday (>= 0.7.6, < 1.0)
    shoryuken (5.0.1)
      aws-sdk-core (>= 2)
      concurrent-ruby
      thor
    shoulda-matchers (4.1.2)
      activesupport (>= 4.2.0)
    signet (0.11.0)
      addressable (~> 2.3)
      faraday (~> 0.9)
      jwt (>= 1.5, < 3.0)
      multi_json (~> 1.10)
    simplecov (0.17.1)
      docile (~> 1.1)
      json (>= 1.8, < 3)
      simplecov-html (~> 0.10.0)
    simplecov-cobertura (1.3.1)
      simplecov (~> 0.8)
    simplecov-html (0.10.2)
    simplecov-workspace-lcov (0.1.0)
    sinatra (2.0.7)
      mustermann (~> 1.0)
      rack (~> 2.0)
      rack-protection (= 2.0.7)
      tilt (~> 2.0)
    skylight (4.1.2)
      skylight-core (= 4.1.2)
    skylight-core (4.1.2)
      activesupport (>= 4.2.0)
    sorcery (0.13.0)
      bcrypt (~> 3.1)
      oauth (~> 0.4, >= 0.4.4)
      oauth2 (~> 1.0, >= 0.8.0)
    spreadsheet (1.2.4)
      ruby-ole (>= 1.0)
    spring (2.1.0)
    spring-watcher-listen (2.0.1)
      listen (>= 2.7, < 4.0)
      spring (>= 1.2, < 3.0)
    sprockets (3.7.2)
      concurrent-ruby (~> 1.0)
      rack (> 1, < 3)
    sprockets-rails (3.2.1)
      actionpack (>= 4.0)
      activesupport (>= 4.0)
      sprockets (>= 3.0.0)
    strong_migrations (0.4.1)
      activerecord (>= 5)
    table_print (1.5.6)
    temple (0.8.2)
    thor (0.20.3)
    thread_safe (0.3.6)
    tilt (2.0.10)
    timecop (0.9.1)
    traceroute (0.8.0)
      rails (>= 3.0.0)
    tzinfo (1.2.6)
      thread_safe (~> 0.1)
    unf (0.1.4)
      unf_ext
    unf_ext (0.0.7.6)
    unicode-display_width (1.6.1)
    uuidtools (2.1.5)
    warden (1.2.8)
      rack (>= 2.0.6)
    webmock (3.7.5)
      addressable (>= 2.3.6)
      crack (>= 0.3.2)
      hashdiff (>= 0.4.0, < 2.0.0)
    websocket-driver (0.7.1)
      websocket-extensions (>= 0.1.0)
    websocket-extensions (0.1.4)
    will_paginate (3.1.8)
    wkhtmltopdf-binary (0.12.4)
    write_xlsx (0.85.7)
      rubyzip (>= 1.0.0)
      zip-zip
    zip-zip (0.3)
      rubyzip (>= 1.0.0)

PLATFORMS
  ruby

DEPENDENCIES
  activerecord-import
  activerecord-postgis-adapter (~> 5.2.2)
  address_book!
  admiralty!
  admiralty_assets!
  admiralty_auth!
  admiralty_reports!
  admiralty_tenants!
  annotate (~> 3.0)
  api!
  api_auth!
  api_docs!
  aws-sdk-cloudfront (~> 1.11.0)
  aws-sdk-route53 (~> 1.17.0)
  aws-sdk-s3 (~> 1.30.1)
  aws-sdk-sqs (~> 1.10.0)
  better_errors
  binding_of_caller
  bootsnap (>= 1.1.0)
  breezy_pdf_lite
  byebug
  cargo!
  chronic
  core!
  debase
  devise_token_auth (~> 0.1.43)
  dotenv-rails
  easymon
  factory_bot_rails (~> 4.0, < 5)
  federation!
  filterrific
  font-awesome-rails
  fuubar
  geocoder
  google-cloud-translate
  googleauth
  helmsman!
  holidays
  integrations!
  ledger!
  legacy!
  letter_opener (~> 1.6)
  listen (>= 3.0.5, < 3.2)
  locations!
  lograge
  mailers!
  mailgun-ruby (~> 1.2.0)
  marginalia (~> 1.5)
  mimemagic
  mini_magick
  mjml-rails (~> 4.1)
  mobility (~> 0.8.6)
  monetize
  money
  nokogiri
  offer_calculator!
  omniauth
  os
  paper_trail (~> 10.1, >= 10.1.0)
  paranoia (~> 2.2)
  pdfkit
  pg (>= 0.18, < 2.0)
  pg_search (~> 2.3.0)
  pricings!
  profiles!
  pry-rails
  puma (~> 3.11)
  quotations!
  rack-cors
  rails (~> 5.2.2)
  rails-erd
  rails-i18n
  recipient_interceptor
  rgeo!
  rgeo-geojson
  rms_data!
  rms_export!
  rms_sync!
  roo
  roo-xls
  routing!
  rspec-rails
  rspec_junit_formatter
  rubocop-itsmycargo
  ruby-debug-ide
  ruby-saml (~> 1.11.0)
  sass-rails
  scientist
  sentry-raven
  sequential!
  shipments!
  shoryuken (~> 5.0.1)
  shoulda-matchers
  signet
  simplecov
  simplecov-cobertura
  simplecov-workspace-lcov
  skylight
  spring
  spring-watcher-listen (~> 2.0.0)
  sprockets (~> 3.7.2)
  sprockets-rails
  strong_migrations
  table_print
  tenant_routing!
  tenants!
  timecop
  traceroute
  trucking!
  tzinfo-data
  validator!
  webmock
  wheelhouse!
  will_paginate (~> 3.1.5)
  wkhtmltopdf-binary
  write_xlsx

BUNDLED WITH
   1.17.3
