PATH
  remote: engines/address_book
  specs:
    imc-address_book (1)
      activerecord-postgis-adapter (= 5.2.2)
      config (~> 2.2)
      geocoder
      imc-core
      imc-organizations
      paper_trail (~> 10.3)
      pg (>= 0.18, < 2.0)
      pg_search
      rails (= 5.2.2)
      strong_migrations (~> 0.6)

PATH
  remote: engines/admiralty_assets
  specs:
    imc-admiralty_assets (1)
      activerecord-postgis-adapter (= 5.2.2)
      bootstrap (~> 4.4.1)
      config (~> 2.2)
      imc-core
      jquery-rails
      paper_trail (~> 10.3)
      pg (>= 0.18, < 2.0)
      rails (= 5.2.2)
      strong_migrations (~> 0.6)

PATH
  remote: engines/admiralty_auth
  specs:
    imc-admiralty_auth (1)
      activerecord-postgis-adapter (= 5.2.2)
      config (~> 2.2)
      google_sign_in (~> 1.1.2)
      imc-admiralty_assets
      imc-core
      paper_trail (~> 10.3)
      pg (>= 0.18, < 2.0)
      rails (= 5.2.2)
      strong_migrations (~> 0.6)

PATH
  remote: engines/admiralty_reports
  specs:
    imc-admiralty_reports (1)
      activerecord-postgis-adapter (= 5.2.2)
      axlsx
      axlsx_rails
      config (~> 2.2)
      imc-admiralty_assets
      imc-admiralty_auth
      imc-companies
      imc-core
      imc-organization_manager
      imc-organizations
      imc-quotations
      paper_trail (~> 10.3)
      pg (>= 0.18, < 2.0)
      rails (= 5.2.2)
      rubyzip
      strong_migrations (~> 0.6)

PATH
  remote: engines/admiralty_tenants
  specs:
    imc-admiralty_tenants (1)
      activerecord-postgis-adapter (= 5.2.2)
      config (~> 2.2)
      draper
      imc-admiralty_assets
      imc-admiralty_auth
      imc-authentication
      imc-core
      imc-legacy
      imc-organization_manager
      imc-organizations
      imc-pricings
      imc-profiles
      imc-users
      jsoneditor-rails
      paper_trail (~> 10.3)
      pg (>= 0.18, < 2.0)
      rails (= 5.2.2)
      strong_migrations (~> 0.6)

PATH
  remote: engines/admiralty
  specs:
    imc-admiralty (1)
      activerecord-postgis-adapter (= 5.2.2)
      config (~> 2.2)
      imc-admiralty_assets
      imc-admiralty_auth
      imc-admiralty_reports
      imc-admiralty_tenants
      imc-core
      imc-legacy
      imc-organization_manager
      imc-organizations
      imc-quotations
      imc-shipments
      paper_trail (~> 10.3)
      pg (>= 0.18, < 2.0)
      rails (= 5.2.2)
      strong_migrations (~> 0.6)

PATH
  remote: engines/analytics
  specs:
    imc-analytics (1)
      activerecord-postgis-adapter (= 5.2.2)
      config (~> 2.2)
      imc-companies
      imc-legacy
      imc-organization_manager
      imc-organizations
      imc-pricings
      imc-quotations
      imc-shipments
      paper_trail (~> 10.3)
      pg (>= 0.18, < 2.0)
      rails (= 5.2.2)
      strong_migrations (~> 0.6)

PATH
  remote: engines/api_auth
  specs:
    imc-api_auth (1)
      active_model_serializers (~> 0.10, >= 0.10.8)
      activerecord-postgis-adapter (= 5.2.2)
      config (~> 2.2)
      doorkeeper (~> 5.0.2)
      imc-authentication
      imc-core
      imc-organizations
      imc-users
      paper_trail (~> 10.3)
      pg (>= 0.18, < 2.0)
      rails (= 5.2.2)
      strong_migrations (~> 0.6)

PATH
  remote: engines/api
  specs:
    imc-api (1)
      activerecord-postgis-adapter (= 5.2.2)
      config (~> 2.2)
      draper (~> 4.0)
      fast_jsonapi
      imc-analytics
      imc-api_auth
      imc-authentication
      imc-cargo
      imc-cms_data
      imc-core
      imc-organization_manager
      imc-organizations
      imc-pricings
      imc-profiles
      imc-result_formatter
      imc-trucking
      imc-users
      imc-wheelhouse
      kaminari
      paper_trail (~> 10.3)
      pg (>= 0.18, < 2.0)
      rails (= 5.2.2)
      strong_migrations (~> 0.6)

PATH
  remote: engines/authentication
  specs:
    imc-authentication (1)
      activerecord-postgis-adapter (= 5.2.2)
      config (~> 2.2)
      imc-groups
      imc-organization_manager
      imc-organizations
      imc-users
      mjml-rails
      paper_trail (~> 10.3)
      pg (>= 0.18, < 2.0)
      rails (= 5.2.2)
      sorcery (~> 0.15)
      strong_migrations (~> 0.6)

PATH
  remote: engines/booking
  specs:
    imc-booking (1)
      activerecord-postgis-adapter (= 5.2.2)
      config (~> 2.2)
      imc-companies
      imc-organizations
      imc-users
      paper_trail (~> 10.3)
      pg (>= 0.18, < 2.0)
      rails (= 5.2.2)
      strong_migrations (~> 0.6)

PATH
  remote: engines/cargo
  specs:
    imc-cargo (1)
      activerecord-postgis-adapter (= 5.2.2)
      config (~> 2.2)
      imc-core
      imc-legacy
      imc-organization_manager
      imc-organizations
      measured-rails
      money-rails
      paper_trail (~> 10.3)
      pg (>= 0.18, < 2.0)
      rails (= 5.2.2)
      strong_migrations (~> 0.6)

PATH
  remote: engines/cms_data
  specs:
    imc-cms_data (1)
      activerecord-postgis-adapter (= 5.2.2)
      config (~> 2.2)
      imc-organizations
      paper_trail (~> 10.3)
      pg (>= 0.18, < 2.0)
      rails (= 5.2.2)
      strong_migrations (~> 0.6)

PATH
  remote: engines/companies
  specs:
    imc-companies (1)
      activerecord-postgis-adapter (= 5.2.2)
      config (~> 2.2)
      imc-legacy
      imc-organizations
      paper_trail (~> 10.3)
      paranoia
      pg (>= 0.18, < 2.0)
      pg_search
      rails (= 5.2.2)
      strong_migrations (~> 0.6)

PATH
  remote: engines/core
  specs:
    imc-core (1)
      activerecord-postgis-adapter (= 5.2.2)
      config (~> 2.2)
      paper_trail (~> 10.3)
      pg (>= 0.18, < 2.0)
      rails (= 5.2.2)
      strong_migrations (~> 0.6)

PATH
  remote: engines/excel_data_services
  specs:
    imc-excel_data_services (1)
      activerecord-postgis-adapter (= 5.2.2)
      config (~> 2.2)
      imc-authentication
      imc-companies
      imc-groups
      imc-legacy
      imc-locations
      imc-organization_manager
      imc-organizations
      imc-pricings
      imc-trucking
      imc-users
      mimemagic
      paper_trail (~> 10.3)
      pg (>= 0.18, < 2.0)
      rails (= 5.2.2)
      roo
      roo-xls
      rover-df
      sentry-raven
      strong_migrations (~> 0.6)
      write_xlsx

PATH
  remote: engines/federation
  specs:
    imc-federation (1)
      activerecord-postgis-adapter (= 5.2.2)
      config (~> 2.2)
      imc-core
      imc-organizations
      paper_trail (~> 10.3)
      pg (>= 0.18, < 2.0)
      rails (= 5.2.2)
      strong_migrations (~> 0.6)

PATH
  remote: engines/groups
  specs:
    imc-groups (1)
      activerecord-postgis-adapter (= 5.2.2)
      config (~> 2.2)
      paper_trail (~> 10.3)
      paranoia
      pg (>= 0.18, < 2.0)
      pg_search (~> 2.3.0)
      rails (= 5.2.2)
      strong_migrations (~> 0.6)

PATH
  remote: engines/helmsman
  specs:
    imc-helmsman (1)
      activerecord-postgis-adapter (= 5.2.2)
      config (~> 2.2)
      imc-core
      imc-federation
      imc-ledger
      imc-organization_manager
      imc-organizations
      imc-routing
      imc-tenant_routing
      paper_trail (~> 10.3)
      pg (>= 0.18, < 2.0)
      rails (= 5.2.2)
      strong_migrations (~> 0.6)

PATH
  remote: engines/idp
  specs:
    imc-idp (1)
      activerecord-postgis-adapter (= 5.2.2)
      config (~> 2.2)
      doorkeeper
      imc-authentication
      imc-organization_manager
      imc-organizations
      imc-profiles
      paper_trail (~> 10.3)
      pg (>= 0.18, < 2.0)
      rails (= 5.2.2)
      ruby-saml (~> 1.11.0)
      strong_migrations (~> 0.6)

PATH
  remote: engines/integrations
  specs:
    imc-integrations (1)
      activerecord-postgis-adapter (= 5.2.2)
      config (~> 2.2)
      imc-companies
      imc-core
      imc-legacy
      imc-organization_manager
      imc-profiles
      imc-shipments
      paper_trail (~> 10.3)
      pg (>= 0.18, < 2.0)
      rails (= 5.2.2)
      strong_migrations (~> 0.6)

PATH
  remote: engines/ledger
  specs:
    imc-ledger (1)
      activerecord-postgis-adapter (= 5.2.2)
      config (~> 2.2)
      imc-cargo
      imc-core
      imc-organizations
      imc-routing
      imc-tenant_routing
      money-rails
      paper_trail (~> 10.3)
      pg (>= 0.18, < 2.0)
      rails (= 5.2.2)
      strong_migrations (~> 0.6)
      uuidtools

PATH
  remote: engines/legacy
  specs:
    imc-legacy (1)
      active_model_serializers
      activejob-traffic_control
      activerecord-import
      activerecord-postgis-adapter (= 5.2.2)
      config (~> 2.2)
      devise_token_auth (~> 0.1.43)
      draper
      fixer_currency (~> 3.4)
      geocoder
      imc-core
      imc-organizations
      imc-profiles
      mobility
      money-rails
      paper_trail (~> 10.3)
      paranoia
      pg (>= 0.18, < 2.0)
      pg_search (~> 2.3.0)
      rails (= 5.2.2)
      strong_migrations (~> 0.6)

PATH
  remote: engines/locations
  specs:
    imc-locations (1)
      activerecord-postgis-adapter (= 5.2.2)
      config (~> 2.2)
      elasticsearch (~> 7.3.0)
      geocoder
      imc-core
      imc-legacy
      paper_trail (~> 10.3)
      pg (>= 0.18, < 2.0)
      rails (= 5.2.2)
      rgeo
      rgeo-geojson
      searchkick (~> 4.4.1)
      strong_migrations (~> 0.6)

PATH
  remote: engines/migrator
  specs:
    imc-migrator (1)
      activerecord-postgis-adapter (= 5.2.2)
      config (~> 2.2)
      imc-organizations
      imc-users
      paper_trail (~> 10.3)
      pg (>= 0.18, < 2.0)
      rails (= 5.2.2)
      strong_migrations (~> 0.6)

PATH
  remote: engines/notes
  specs:
    imc-notes (1)
      activerecord-postgis-adapter (= 5.2.2)
      config (~> 2.2)
      imc-legacy
      imc-organizations
      imc-pricings
      imc-quotations
      paper_trail (~> 10.3)
      pg (>= 0.18, < 2.0)
      rails (= 5.2.2)
      strong_migrations (~> 0.6)

PATH
  remote: engines/offer_calculator
  specs:
    imc-offer_calculator (1)
      activerecord-postgis-adapter (= 5.2.2)
      chronic
      config (~> 2.2)
      imc-core
      imc-legacy
      imc-notes
      imc-organization_manager
      imc-organizations
      imc-pricings
      imc-quotations
      imc-result_formatter
      imc-trucking
      paper_trail (~> 10.3)
      pg (>= 0.18, < 2.0)
      rails (= 5.2.2)
      sentry-raven
      strong_migrations (~> 0.6)

PATH
  remote: engines/organization_manager
  specs:
    imc-organization_manager (1)
      activerecord-postgis-adapter (= 5.2.2)
      config (~> 2.2)
      imc-companies
      imc-groups
      imc-legacy
      imc-organizations
      paper_trail (~> 10.3)
      pg (>= 0.18, < 2.0)
      rails (= 5.2.2)
      strong_migrations (~> 0.6)

PATH
  remote: engines/organizations
  specs:
    imc-organizations (1)
      activerecord-postgis-adapter (= 5.2.2)
      config (~> 2.2)
      imc-users
      paper_trail (~> 10.3)
      pg (>= 0.18, < 2.0)
      rails (= 5.2.2)
      strong_migrations (~> 0.6)

PATH
  remote: engines/pdf
  specs:
    imc-pdf (1)
      activerecord-postgis-adapter (= 5.2.2)
      config (~> 2.2)
      draper (~> 4.0)
      imc-core
      imc-legacy
      imc-notes
      imc-organization_manager
      imc-organizations
      imc-pricings
      imc-profiles
      imc-quotations
      paper_trail (~> 10.3)
      pdfkit
      pg (>= 0.18, < 2.0)
      rails (= 5.2.2)
      strong_migrations (~> 0.6)
      wkhtmltopdf-binary

PATH
  remote: engines/pricings
  specs:
    imc-pricings (1)
      activerecord-postgis-adapter (= 5.2.2)
      config (~> 2.2)
      geocoder
      imc-companies
      imc-core
      imc-groups
      imc-legacy
      imc-organization_manager
      imc-organizations
      imc-trucking
      measured-rails
      paper_trail (~> 10.3)
      pg (>= 0.18, < 2.0)
      rails (= 5.2.2)
      strong_migrations (~> 0.6)

PATH
  remote: engines/profiles
  specs:
    imc-profiles (1)
      activerecord-postgis-adapter (= 5.2.2)
      config (~> 2.2)
      imc-core
      imc-users
      paper_trail (~> 10.3)
      paranoia
      pg (>= 0.18, < 2.0)
      pg_search
      rails (= 5.2.2)
      strong_migrations (~> 0.6)

PATH
  remote: engines/quotations
  specs:
    imc-quotations (1)
      activerecord-postgis-adapter (= 5.2.2)
      config (~> 2.2)
      draper
      imc-cargo
      imc-core
      imc-legacy
      imc-organizations
      imc-users
      money-rails
      paper_trail (~> 10.3)
      pg (>= 0.18, < 2.0)
      rails (= 5.2.2)
      strong_migrations (~> 0.6)

PATH
  remote: engines/rate_extractor
  specs:
    imc-rate_extractor (1)
      activerecord-postgis-adapter (= 5.2.2)
      config (~> 2.2)
      draper (~> 4.0)
      imc-cargo
      imc-organization_manager
      imc-quotations
      imc-rates
      imc-routing
      imc-tenant_routing
      paper_trail (~> 10.3)
      pg (>= 0.18, < 2.0)
      rails (= 5.2.2)
      strong_migrations (~> 0.6)

PATH
  remote: engines/rates
  specs:
    imc-rates (1)
      activerecord-postgis-adapter (= 5.2.2)
      config (~> 2.2)
      imc-cargo
      imc-organizations
      imc-routing
      paper_trail (~> 10.3)
      pg (>= 0.18, < 2.0)
      rails (= 5.2.2)
      strong_migrations (~> 0.6)

PATH
  remote: engines/result_formatter
  specs:
    imc-result_formatter (1)
      activerecord-postgis-adapter (= 5.2.2)
      config (~> 2.2)
      imc-legacy
      imc-pricings
      imc-quotations
      money-open-exchange-rates
      paper_trail (~> 10.3)
      pg (>= 0.18, < 2.0)
      rails (= 5.2.2)
      strong_migrations (~> 0.6)

PATH
  remote: engines/routing
  specs:
    imc-routing (1)
      activerecord-import
      activerecord-postgis-adapter (= 5.2.2)
      bitfields
      config (~> 2.2)
      imc-core
      paper_trail (~> 10.3)
      pg (>= 0.18, < 2.0)
      rails (= 5.2.2)
      rgeo
      rgeo-geojson
      strong_migrations (~> 0.6)

PATH
  remote: engines/sequential
  specs:
    imc-sequential (1)
      activerecord-postgis-adapter (= 5.2.2)
      config (~> 2.2)
      imc-core
      paper_trail (~> 10.3)
      pg (>= 0.18, < 2.0)
      rails (= 5.2.2)
      strong_migrations (~> 0.6)

PATH
  remote: engines/shipments
  specs:
    imc-shipments (1)
      aasm
      activerecord-postgis-adapter (= 5.2.2)
      config (~> 2.2)
      imc-address_book
      imc-cargo
      imc-core
      imc-organizations
      imc-quotations
      imc-routing
      imc-sequential
      money-rails (~> 1.12)
      paper_trail (~> 10.3)
      pg (>= 0.18, < 2.0)
      rails (= 5.2.2)
      strong_migrations (~> 0.6)

PATH
  remote: engines/tenant_routing
  specs:
    imc-tenant_routing (1)
      activerecord-postgis-adapter (= 5.2.2)
      bitfields
      config (~> 2.2)
      imc-core
      imc-organizations
      imc-routing
      paper_trail (~> 10.3)
      pg (>= 0.18, < 2.0)
      rails (= 5.2.2)
      strong_migrations (~> 0.6)

PATH
  remote: engines/tender_calculator
  specs:
    imc-tender_calculator (1)
      activerecord-postgis-adapter (= 5.2.2)
      config (~> 2.2)
      imc-cargo
      imc-rate_extractor
      imc-rates
      imc-tenant_routing
      paper_trail (~> 10.3)
      pg (>= 0.18, < 2.0)
      rails (= 5.2.2)
      strong_migrations (~> 0.6)

PATH
  remote: engines/trucking
  specs:
    imc-trucking (1)
      activerecord-postgis-adapter (= 5.2.2)
      config (~> 2.2)
      geocoder
      imc-core
      imc-legacy
      imc-locations
      imc-organizations
      paper_trail (~> 10.3)
      paranoia
      pg (>= 0.18, < 2.0)
      rails (= 5.2.2)
      roo
      roo-xls
      strong_migrations (~> 0.6)
      will_paginate

PATH
  remote: engines/users
  specs:
    imc-users (1)
      activerecord-postgis-adapter (= 5.2.2)
      acts_as_paranoid (~> 0.6.3)
      config (~> 2.2)
      paper_trail (~> 10.3)
      pg (>= 0.18, < 2.0)
      pg_search (~> 2.3.0)
      rails (= 5.2.2)
      strong_migrations (~> 0.6)

PATH
  remote: engines/validator
  specs:
    imc-validator (1)
      activerecord-postgis-adapter (= 5.2.2)
      config (~> 2.2)
      imc-core
      imc-groups
      imc-legacy
      imc-organization_manager
      imc-organizations
      imc-pricings
      imc-trucking
      paper_trail (~> 10.3)
      pg (>= 0.18, < 2.0)
      rails (= 5.2.2)
      strong_migrations (~> 0.6)

PATH
  remote: engines/wheelhouse
  specs:
    imc-wheelhouse (1)
      activerecord-postgis-adapter (= 5.2.2)
      config (~> 2.2)
      draper (~> 4.0)
      imc-cargo
      imc-core
      imc-legacy
      imc-offer_calculator
      imc-organization_manager
      imc-organizations
      imc-pdf
      paper_trail (~> 10.3)
      pg (>= 0.18, < 2.0)
      rails (= 5.2.2)
      strong_migrations (~> 0.6)
      write_xlsx

PATH
  remote: lib/money_cache
  specs:
    money_cache (0.1.0)
      activesupport
      money
      money-open-exchange-rates
      rake (~> 13.0)

GEM
  remote: https://rubygems.org/
  specs:
    aasm (5.1.1)
      concurrent-ruby (~> 1.0)
    actioncable (5.2.2)
      actionpack (= 5.2.2)
      nio4r (~> 2.0)
      websocket-driver (>= 0.6.1)
    actionmailer (5.2.2)
      actionpack (= 5.2.2)
      actionview (= 5.2.2)
      activejob (= 5.2.2)
      mail (~> 2.5, >= 2.5.4)
      rails-dom-testing (~> 2.0)
    actionpack (5.2.2)
      actionview (= 5.2.2)
      activesupport (= 5.2.2)
      rack (~> 2.0)
      rack-test (>= 0.6.3)
      rails-dom-testing (~> 2.0)
      rails-html-sanitizer (~> 1.0, >= 1.0.2)
    actionview (5.2.2)
      activesupport (= 5.2.2)
      builder (~> 3.1)
      erubi (~> 1.4)
      rails-dom-testing (~> 2.0)
      rails-html-sanitizer (~> 1.0, >= 1.0.3)
    active_model_serializers (0.10.10)
      actionpack (>= 4.1, < 6.1)
      activemodel (>= 4.1, < 6.1)
      case_transform (>= 0.2)
      jsonapi-renderer (>= 0.1.1.beta1, < 0.3)
    activejob (5.2.2)
      activesupport (= 5.2.2)
      globalid (>= 0.3.6)
    activejob-traffic_control (0.1.3)
      activejob (>= 4.2)
      activesupport (>= 4.2)
      suo
    activemodel (5.2.2)
      activesupport (= 5.2.2)
    activemodel-serializers-xml (1.0.2)
      activemodel (> 5.x)
      activesupport (> 5.x)
      builder (~> 3.1)
    activerecord (5.2.2)
      activemodel (= 5.2.2)
      activesupport (= 5.2.2)
      arel (>= 9.0)
    activerecord-import (1.0.7)
      activerecord (>= 3.2)
    activerecord-postgis-adapter (5.2.2)
      activerecord (~> 5.1)
      rgeo-activerecord (~> 6.0)
    activestorage (5.2.2)
      actionpack (= 5.2.2)
      activerecord (= 5.2.2)
      marcel (~> 0.3.1)
    activestorage-cascade (0.1.1)
      activestorage (>= 5.2.2)
    activesupport (5.2.2)
      concurrent-ruby (~> 1.0, >= 1.0.2)
      i18n (>= 0.7, < 2)
      minitest (~> 5.1)
      tzinfo (~> 1.1)
    acts_as_paranoid (0.6.3)
      activerecord (>= 4.2, < 7.0)
      activesupport (>= 4.2, < 7.0)
    addressable (2.7.0)
      public_suffix (>= 2.0.2, < 5.0)
    annotate (3.1.1)
      activerecord (>= 3.2, < 7.0)
      rake (>= 10.4, < 14.0)
    arel (9.0.0)
    ast (2.4.1)
    autoprefixer-rails (10.0.1.0)
      execjs
    aws-eventstream (1.1.0)
    aws-partitions (1.384.0)
    aws-sdk-core (3.109.1)
      aws-eventstream (~> 1, >= 1.0.2)
      aws-partitions (~> 1, >= 1.239.0)
      aws-sigv4 (~> 1.1)
      jmespath (~> 1.0)
    aws-sdk-kms (1.39.0)
      aws-sdk-core (~> 3, >= 3.109.0)
      aws-sigv4 (~> 1.1)
    aws-sdk-s3 (1.78.0)
      aws-sdk-core (~> 3, >= 3.104.3)
      aws-sdk-kms (~> 1)
      aws-sigv4 (~> 1.1)
    aws-sdk-sqs (1.30.0)
      aws-sdk-core (~> 3, >= 3.99.0)
      aws-sigv4 (~> 1.1)
    aws-sigv4 (1.2.2)
      aws-eventstream (~> 1, >= 1.0.2)
    axlsx (1.3.6)
      htmlentities (~> 4.3.1)
      nokogiri (>= 1.4.1)
      rubyzip (>= 0.9.5)
    axlsx_rails (0.6.1)
      actionpack (>= 3.1)
      caxlsx (>= 3.0)
    bcrypt (3.1.16)
    better_errors (2.8.3)
      coderay (>= 1.0.0)
      erubi (>= 1.0.0)
      rack (>= 0.9.0)
    binding_of_caller (0.8.0)
      debug_inspector (>= 0.0.1)
    bitfields (0.14.0)
      activerecord (>= 5.1)
    bootsnap (1.4.8)
      msgpack (~> 1.0)
    bootstrap (4.4.1)
      autoprefixer-rails (>= 9.1.0)
      popper_js (>= 1.14.3, < 2)
      sassc-rails (>= 2.0.0)
    builder (3.2.4)
    byebug (11.1.3)
    case_transform (0.2)
      activesupport
    caxlsx (3.0.2)
      htmlentities (~> 4.3, >= 4.3.4)
      mimemagic (~> 0.3)
      nokogiri (~> 1.10, >= 1.10.4)
      rubyzip (>= 1.3.0, < 3)
    choice (0.2.0)
    chronic (0.10.2)
    coderay (1.1.3)
    concurrent-ruby (1.1.7)
    config (2.2.1)
      deep_merge (~> 1.2, >= 1.2.1)
      dry-validation (~> 1.0, >= 1.0.0)
    connection_pool (2.2.3)
    coverband (5.0.3)
      redis
    crack (0.4.4)
    crass (1.0.6)
    css_parser (1.7.1)
      addressable
    dalli (2.7.11)
    debase (0.2.4.1)
      debase-ruby_core_source (>= 0.10.2)
    debase-ruby_core_source (0.10.11)
    debug_inspector (0.0.3)
    deep_merge (1.2.1)
    devise (4.4.3)
      bcrypt (~> 3.0)
      orm_adapter (~> 0.1)
      railties (>= 4.1.0, < 6.0)
      responders
      warden (~> 1.2.3)
    devise_token_auth (0.1.43)
      devise (> 3.5.2, < 4.5)
      rails (< 6)
    diff-lcs (1.4.4)
    docile (1.3.2)
    domain_name (0.5.20190701)
      unf (>= 0.0.5, < 1.0.0)
    doorkeeper (5.0.3)
      railties (>= 4.2)
    dotenv (2.7.6)
    dotenv-rails (2.7.6)
      dotenv (= 2.7.6)
      railties (>= 3.2)
    draper (4.0.1)
      actionpack (>= 5.0)
      activemodel (>= 5.0)
      activemodel-serializers-xml (>= 1.0)
      activesupport (>= 5.0)
      request_store (>= 1.0)
    dry-configurable (0.11.6)
      concurrent-ruby (~> 1.0)
      dry-core (~> 0.4, >= 0.4.7)
      dry-equalizer (~> 0.2)
    dry-container (0.7.2)
      concurrent-ruby (~> 1.0)
      dry-configurable (~> 0.1, >= 0.1.3)
    dry-core (0.4.9)
      concurrent-ruby (~> 1.0)
    dry-equalizer (0.3.0)
    dry-inflector (0.2.0)
    dry-initializer (3.0.4)
    dry-logic (1.0.8)
      concurrent-ruby (~> 1.0)
      dry-core (~> 0.2)
      dry-equalizer (~> 0.2)
    dry-schema (1.5.6)
      concurrent-ruby (~> 1.0)
      dry-configurable (~> 0.8, >= 0.8.3)
      dry-core (~> 0.4)
      dry-equalizer (~> 0.2)
      dry-initializer (~> 3.0)
      dry-logic (~> 1.0)
      dry-types (~> 1.4)
    dry-types (1.4.0)
      concurrent-ruby (~> 1.0)
      dry-container (~> 0.3)
      dry-core (~> 0.4, >= 0.4.4)
      dry-equalizer (~> 0.3)
      dry-inflector (~> 0.1, >= 0.1.2)
      dry-logic (~> 1.0, >= 1.0.2)
    dry-validation (1.5.6)
      concurrent-ruby (~> 1.0)
      dry-container (~> 0.7, >= 0.7.1)
      dry-core (~> 0.4)
      dry-equalizer (~> 0.2)
      dry-initializer (~> 3.0)
      dry-schema (~> 1.5, >= 1.5.2)
    easymon (1.4.2)
      redis
    elasticsearch (7.3.0)
      elasticsearch-api (= 7.3.0)
      elasticsearch-transport (= 7.3.0)
    elasticsearch-api (7.3.0)
      multi_json
    elasticsearch-transport (7.3.0)
      faraday
      multi_json
    erubi (1.9.0)
    execjs (2.7.0)
    factory_bot (4.11.1)
      activesupport (>= 3.0.0)
    factory_bot_rails (4.11.1)
      factory_bot (~> 4.11.1)
      railties (>= 3.0.0)
    faraday (1.1.0)
      multipart-post (>= 1.2, < 3)
      ruby2_keywords
    faraday_middleware-aws-sigv4 (0.4.0)
      aws-sigv4 (~> 1.0)
      faraday (>= 0.15)
    fast_jsonapi (1.5)
      activesupport (>= 4.2)
    ffi (1.13.1)
    filterrific (5.2.1)
    fixer_currency (3.4.3)
      money (~> 6.7)
    font-awesome-rails (4.7.0.5)
      railties (>= 3.2, < 6.1)
    fuubar (2.5.0)
      rspec-core (~> 3.0)
      ruby-progressbar (~> 1.4)
    gapic-common (0.3.4)
      google-protobuf (~> 3.12, >= 3.12.2)
      googleapis-common-protos (>= 1.3.9, < 2.0)
      googleapis-common-protos-types (>= 1.0.4, < 2.0)
      googleauth (~> 0.9)
      grpc (~> 1.25)
    geocoder (1.6.4)
    git (1.7.0)
      rchardet (~> 1.8)
    globalid (0.4.2)
      activesupport (>= 4.2.0)
    google-cloud-core (1.5.0)
      google-cloud-env (~> 1.0)
      google-cloud-errors (~> 1.0)
    google-cloud-env (1.4.0)
      faraday (>= 0.17.3, < 2.0)
    google-cloud-errors (1.0.1)
    google-cloud-translate (3.0.1)
      google-cloud-core (~> 1.5)
      google-cloud-translate-v2 (~> 0.0)
      google-cloud-translate-v3 (~> 0.0)
    google-cloud-translate-v2 (0.2.0)
      faraday (>= 0.17.3, < 2.0)
      google-cloud-core (~> 1.5)
      googleapis-common-protos (>= 1.3.10, < 2.0)
      googleapis-common-protos-types (>= 1.0.5, < 2.0)
      googleauth (~> 0.12)
    google-cloud-translate-v3 (0.1.4)
      gapic-common (~> 0.3)
      google-cloud-errors (~> 1.0)
    google-id-token (1.4.2)
      jwt (>= 1)
    google-protobuf (3.13.0)
    google_sign_in (1.1.2)
      google-id-token (>= 1.4.0)
      oauth2 (>= 1.4.0)
      rails (>= 5.2.0)
    googleapis-common-protos (1.3.10)
      google-protobuf (~> 3.11)
      googleapis-common-protos-types (>= 1.0.5, < 2.0)
      grpc (~> 1.27)
    googleapis-common-protos-types (1.0.5)
      google-protobuf (~> 3.11)
    googleauth (0.14.0)
      faraday (>= 0.17.3, < 2.0)
      jwt (>= 1.4, < 3.0)
      memoist (~> 0.16)
      multi_json (~> 1.11)
      os (>= 0.9, < 2.0)
      signet (~> 0.14)
    grpc (1.32.0)
      google-protobuf (~> 3.13)
      googleapis-common-protos-types (~> 1.0)
    hashdiff (1.0.1)
    hashie (4.1.0)
    holidays (8.3.0)
    htmlentities (4.3.4)
    http-cookie (1.0.3)
      domain_name (~> 0.5)
    i18n (1.8.5)
      concurrent-ruby (~> 1.0)
    jmespath (1.4.0)
    jquery-rails (4.4.0)
      rails-dom-testing (>= 1, < 3)
      railties (>= 4.2.0)
      thor (>= 0.14, < 2.0)
    json-schema (2.8.1)
      addressable (>= 2.4)
    jsonapi-renderer (0.2.2)
    jsoneditor-rails (1.0.3)
      sass-rails
    jwt (2.2.2)
    kaminari (1.2.1)
      activesupport (>= 4.1.0)
      kaminari-actionview (= 1.2.1)
      kaminari-activerecord (= 1.2.1)
      kaminari-core (= 1.2.1)
    kaminari-actionview (1.2.1)
      actionview
      kaminari-core (= 1.2.1)
    kaminari-activerecord (1.2.1)
      activerecord
      kaminari-core (= 1.2.1)
    kaminari-core (1.2.1)
    launchy (2.5.0)
      addressable (~> 2.7)
    lefthook (0.7.2)
    letter_opener (1.7.0)
      launchy (~> 2.2)
    liquid (4.0.3)
    listen (3.2.1)
      rb-fsevent (~> 0.10, >= 0.10.3)
      rb-inotify (~> 0.9, >= 0.9.10)
    lograge (0.11.2)
      actionpack (>= 4)
      activesupport (>= 4)
      railties (>= 4)
      request_store (~> 1.0)
    loofah (2.7.0)
      crass (~> 1.0.2)
      nokogiri (>= 1.5.9)
    mail (2.7.1)
      mini_mime (>= 0.1.1)
    mailgun-ruby (1.2.0)
      rest-client (~> 2.0.2)
    marcel (0.3.3)
      mimemagic (~> 0.3.2)
    marginalia (1.9.0)
      actionpack (>= 2.3)
      activerecord (>= 2.3)
    measured (2.5.2)
      activesupport (>= 5.0)
    measured-rails (2.5.2)
      activemodel (>= 4.2)
      activerecord (>= 4.2)
      measured (= 2.5.2)
      railties (>= 4.2)
    memoist (0.16.2)
    method_source (1.0.0)
    mime-types (3.3.1)
      mime-types-data (~> 3.2015)
    mime-types-data (3.2020.0512)
    mimemagic (0.3.5)
    mini_magick (4.10.1)
    mini_mime (1.0.2)
    mini_portile2 (2.4.0)
    minitest (5.14.2)
    mjml-rails (4.4.0)
    mobility (0.8.13)
      i18n (>= 0.6.10, < 2)
      request_store (~> 1.0)
    monetize (1.9.4)
      money (~> 6.12)
    money (6.13.8)
      i18n (>= 0.6.4, <= 2)
    money-open-exchange-rates (1.4.0)
      money (~> 6.12)
    money-rails (1.13.3)
      activesupport (>= 3.0)
      monetize (~> 1.9.0)
      money (~> 6.13.2)
      railties (>= 3.0)
    msgpack (1.3.3)
    multi_json (1.15.0)
    multi_xml (0.6.0)
    multipart-post (2.1.1)
    netrc (0.11.0)
    nio4r (2.5.4)
    nokogiri (1.10.10)
      mini_portile2 (~> 2.4.0)
    numo-narray (0.9.1.8)
    oauth (0.5.4)
    oauth2 (1.4.4)
      faraday (>= 0.8, < 2.0)
      jwt (>= 1.0, < 3.0)
      multi_json (~> 1.3)
      multi_xml (~> 0.5)
      rack (>= 1.2, < 3)
    oj (3.10.15)
    omniauth (1.9.1)
      hashie (>= 3.4.6)
      rack (>= 1.6.2, < 3)
    orm_adapter (0.5.0)
    os (1.1.1)
    paper_trail (10.3.1)
      activerecord (>= 4.2)
      request_store (~> 1.1)
    parallel (1.19.2)
    paranoia (2.4.2)
      activerecord (>= 4.0, < 6.1)
    parser (2.7.2.0)
      ast (~> 2.4.1)
    pdfkit (0.8.4.3.2)
    pg (1.2.3)
    pg_search (2.3.4)
      activerecord (>= 5.2)
      activesupport (>= 5.2)
    popper_js (1.16.0)
    premailer (1.14.2)
      addressable
      css_parser (>= 1.6.0)
      htmlentities (>= 4.0.0)
    premailer-rails (1.11.1)
      actionmailer (>= 3)
      premailer (~> 1.7, >= 1.7.9)
    prometheus_exporter (0.5.3)
    pry (0.13.1)
      coderay (~> 1.1)
      method_source (~> 1.0)
    pry-rails (0.3.9)
      pry (>= 0.10.4)
    public_suffix (4.0.6)
    puma (4.3.6)
      nio4r (~> 2.0)
    rack (2.2.3)
    rack-cors (1.1.1)
      rack (>= 2.0.0)
    rack-test (1.1.0)
      rack (>= 1.0, < 3)
    rails (5.2.2)
      actioncable (= 5.2.2)
      actionmailer (= 5.2.2)
      actionpack (= 5.2.2)
      actionview (= 5.2.2)
      activejob (= 5.2.2)
      activemodel (= 5.2.2)
      activerecord (= 5.2.2)
      activestorage (= 5.2.2)
      activesupport (= 5.2.2)
      bundler (>= 1.3.0)
      railties (= 5.2.2)
      sprockets-rails (>= 2.0.0)
    rails-dom-testing (2.0.3)
      activesupport (>= 4.2.0)
      nokogiri (>= 1.6)
    rails-erd (1.6.0)
      activerecord (>= 4.2)
      activesupport (>= 4.2)
      choice (~> 0.2.0)
      ruby-graphviz (~> 1.2)
    rails-html-sanitizer (1.3.0)
      loofah (~> 2.3)
    rails-i18n (5.1.3)
      i18n (>= 0.7, < 2)
      railties (>= 5.0, < 6)
    railties (5.2.2)
      actionpack (= 5.2.2)
      activesupport (= 5.2.2)
      method_source
      rake (>= 0.8.7)
      thor (>= 0.19.0, < 2.0)
    rainbow (3.0.0)
    rake (13.0.1)
    rb-fsevent (0.10.4)
    rb-inotify (0.10.1)
      ffi (~> 1.0)
    rchardet (1.8.0)
    recipient_interceptor (0.2.0)
      mail
    redis (4.2.2)
    regexp_parser (1.8.2)
    request_store (1.5.0)
      rack (>= 1.4)
    responders (3.0.1)
      actionpack (>= 5.0)
      railties (>= 5.0)
    rest-client (2.0.2)
      http-cookie (>= 1.0.2, < 2.0)
      mime-types (>= 1.16, < 4.0)
      netrc (~> 0.8)
    rexml (3.2.4)
    rgeo (2.1.1)
    rgeo-activerecord (6.2.1)
      activerecord (>= 5.0)
      rgeo (>= 1.0.0)
    rgeo-geojson (2.1.1)
      rgeo (>= 1.0.0)
    roo (2.8.3)
      nokogiri (~> 1)
      rubyzip (>= 1.3.0, < 3.0.0)
    roo-xls (1.2.0)
      nokogiri
      roo (>= 2.0.0, < 3)
      spreadsheet (> 0.9.0)
    rover-df (0.2.0)
      numo-narray (>= 0.9.1.7)
    rspec (3.9.0)
      rspec-core (~> 3.9.0)
      rspec-expectations (~> 3.9.0)
      rspec-mocks (~> 3.9.0)
    rspec-core (3.9.3)
      rspec-support (~> 3.9.3)
    rspec-expectations (3.9.2)
      diff-lcs (>= 1.2.0, < 2.0)
      rspec-support (~> 3.9.0)
    rspec-mocks (3.9.1)
      diff-lcs (>= 1.2.0, < 2.0)
      rspec-support (~> 3.9.0)
    rspec-rails (4.0.1)
      actionpack (>= 4.2)
      activesupport (>= 4.2)
      railties (>= 4.2)
      rspec-core (~> 3.9)
      rspec-expectations (~> 3.9)
      rspec-mocks (~> 3.9)
      rspec-support (~> 3.9)
    rspec-retry (0.6.2)
      rspec-core (> 3.3)
    rspec-support (3.9.3)
    rspec_junit_formatter (0.4.1)
      rspec-core (>= 2, < 4, != 2.12.0)
    rswag-api (2.3.1)
      railties (>= 3.1, < 7.0)
    rswag-specs (2.3.1)
      activesupport (>= 3.1, < 7.0)
      json-schema (~> 2.2)
      railties (>= 3.1, < 7.0)
    rswag-ui (2.3.1)
      actionpack (>= 3.1, < 7.0)
      railties (>= 3.1, < 7.0)
    rubocop (0.92.0)
      parallel (~> 1.10)
      parser (>= 2.7.1.5)
      rainbow (>= 2.2.2, < 4.0)
      regexp_parser (>= 1.7)
      rexml
      rubocop-ast (>= 0.5.0)
      ruby-progressbar (~> 1.7)
      unicode-display_width (>= 1.4.0, < 2.0)
    rubocop-ast (1.0.0)
      parser (>= 2.7.1.5)
    rubocop-itsmycargo (20.10.11)
      rubocop-rails (= 2.8.1)
      rubocop-rspec (= 1.43.2)
      standard (= 0.7)
    rubocop-performance (1.8.1)
      rubocop (>= 0.87.0)
      rubocop-ast (>= 0.4.0)
    rubocop-rails (2.8.1)
      activesupport (>= 4.2.0)
      rack (>= 1.1)
      rubocop (>= 0.87.0)
    rubocop-rspec (1.43.2)
      rubocop (~> 0.87)
    ruby-debug-ide (0.7.2)
      rake (>= 0.8.1)
    ruby-graphviz (1.2.5)
      rexml
    ruby-ole (1.2.12.2)
    ruby-progressbar (1.10.1)
    ruby-saml (1.11.0)
      nokogiri (>= 1.5.10)
    ruby2_keywords (0.0.2)
    rubyzip (2.3.0)
    sass-rails (6.0.0)
      sassc-rails (~> 2.1, >= 2.1.1)
    sassc (2.4.0)
      ffi (~> 1.9)
    sassc-rails (2.1.2)
      railties (>= 4.0.0)
      sassc (>= 2.0)
      sprockets (> 3.0)
      sprockets-rails
      tilt
    scientist (1.5.0)
    searchkick (4.4.1)
      activemodel (>= 5)
      elasticsearch (>= 6)
      hashie
    sentry-raven (3.1.1)
      faraday (>= 1.0)
    shoulda-matchers (4.4.1)
      activesupport (>= 4.2.0)
    sidekiq (6.1.2)
      connection_pool (>= 2.2.2)
      rack (~> 2.0)
      redis (>= 4.2.0)
    sidekiq-failures (1.0.0)
      sidekiq (>= 4.0.0)
    sidekiq_alive (2.0.3)
      sidekiq
    signet (0.14.0)
      addressable (~> 2.3)
      faraday (>= 0.17.3, < 2.0)
      jwt (>= 1.5, < 3.0)
      multi_json (~> 1.10)
    simplecov (0.19.0)
      docile (~> 1.1)
      simplecov-html (~> 0.11)
    simplecov-cobertura (1.4.1)
      simplecov (~> 0.8)
    simplecov-html (0.12.3)
    skylight (4.3.1)
      skylight-core (= 4.3.1)
    skylight-core (4.3.1)
      activesupport (>= 4.2.0)
    sorcery (0.15.0)
      bcrypt (~> 3.1)
      oauth (~> 0.4, >= 0.4.4)
      oauth2 (~> 1.0, >= 0.8.0)
    spreadsheet (1.2.6)
      ruby-ole (>= 1.0)
    spring (2.1.1)
    spring-watcher-listen (2.0.1)
      listen (>= 2.7, < 4.0)
      spring (>= 1.2, < 3.0)
    sprockets (3.7.2)
      concurrent-ruby (~> 1.0)
      rack (> 1, < 3)
    sprockets-rails (3.2.2)
      actionpack (>= 4.0)
      activesupport (>= 4.0)
      sprockets (>= 3.0.0)
    standard (0.7)
      rubocop (= 0.92)
      rubocop-performance (= 1.8.1)
    strong_migrations (0.7.1)
      activerecord (>= 5)
    suo (0.3.4)
      dalli
      msgpack
      redis
    table_print (1.5.7)
    thor (1.0.1)
    thread_safe (0.3.6)
    tilt (2.0.10)
    timecop (0.9.2)
    traceroute (0.8.1)
      rails (>= 3.0.0)
    tzinfo (1.2.7)
      thread_safe (~> 0.1)
    unf (0.1.4)
      unf_ext
    unf_ext (0.0.7.7)
    unicode-display_width (1.7.0)
    uuidtools (2.2.0)
    warden (1.2.9)
      rack (>= 2.0.9)
    webmock (3.9.3)
      addressable (>= 2.3.6)
      crack (>= 0.3.2)
      hashdiff (>= 0.4.0, < 2.0.0)
    websocket-driver (0.7.3)
      websocket-extensions (>= 0.1.0)
    websocket-extensions (0.1.5)
    will_paginate (3.3.0)
    wkhtmltopdf-binary (0.12.6.5)
    write_xlsx (0.85.9)
      rubyzip (>= 1.0.0)
      zip-zip
    zip-zip (0.3)
      rubyzip (>= 1.0.0)

PLATFORMS
  ruby

DEPENDENCIES
  activejob-traffic_control
  activerecord-import
  activerecord-postgis-adapter (~> 5.2.2)
  activestorage-cascade (~> 0.1.1)
  annotate (~> 3.0)
  aws-sdk-s3 (~> 1.78.0)
  aws-sdk-sqs (~> 1.30.0)
  better_errors
  binding_of_caller
  bootsnap (>= 1.1.0)
  byebug
  chronic
  coverband
  dalli
  debase
  devise_token_auth (~> 0.1.43)
  dotenv-rails
  easymon
  factory_bot_rails (~> 4.0, < 5)
  faraday_middleware-aws-sigv4
  filterrific
  font-awesome-rails
  fuubar
  geocoder
  git
  google-cloud-translate
  googleauth
  holidays
  imc-address_book!
  imc-admiralty!
  imc-admiralty_assets!
  imc-admiralty_auth!
  imc-admiralty_reports!
  imc-admiralty_tenants!
  imc-analytics!
  imc-api!
  imc-api_auth!
  imc-authentication!
  imc-booking!
  imc-cargo!
  imc-cms_data!
  imc-companies!
  imc-core!
  imc-excel_data_services!
  imc-federation!
  imc-groups!
  imc-helmsman!
  imc-idp!
  imc-integrations!
  imc-ledger!
  imc-legacy!
  imc-locations!
  imc-migrator!
  imc-notes!
  imc-offer_calculator!
  imc-organization_manager!
  imc-organizations!
  imc-pdf!
  imc-pricings!
  imc-profiles!
  imc-quotations!
  imc-rate_extractor!
  imc-rates!
  imc-result_formatter!
  imc-routing!
  imc-sequential!
  imc-shipments!
  imc-tenant_routing!
  imc-tender_calculator!
  imc-trucking!
  imc-users!
  imc-validator!
  imc-wheelhouse!
  lefthook
  letter_opener (~> 1.6)
  liquid
  listen (>= 3.0.5, < 3.3)
  lograge
  mailgun-ruby (~> 1.2.0)
  marginalia (~> 1.5)
  mimemagic
  mini_magick
  mjml-rails (~> 4.1)
  mobility (~> 0.8.6)
  monetize
  money
  money-open-exchange-rates
  money-rails
  money_cache!
  nokogiri
  oj
  omniauth
  os
  paper_trail (~> 10.3)
  paranoia (~> 2.2)
  pdfkit
  pg (>= 0.18, < 2.0)
  pg_search (~> 2.3.0)
  premailer-rails
  prometheus_exporter (~> 0.5.2)
  pry-rails
  puma (~> 4.3.5)
  rack-cors
  rails (~> 5.2.2)
  rails-erd
  rails-i18n
  recipient_interceptor
  rgeo (~> 2.1.1)
  rgeo-geojson
  roo
  roo-xls
  rspec (~> 3.9)
  rspec-rails
  rspec-retry
  rspec_junit_formatter
  rswag-api
  rswag-specs
  rswag-ui
  rubocop-itsmycargo (~> 20.10.11)
  ruby-debug-ide
  ruby-saml (~> 1.11.0)
  sass-rails
  scientist
  searchkick (~> 4.4.1)
  sentry-raven
  shoulda-matchers
  sidekiq (~> 6.1)
  sidekiq-failures
  sidekiq_alive
  signet
  simplecov
  simplecov-cobertura
  skylight
  spring
  spring-watcher-listen (~> 2.0.0)
  sprockets (~> 3.7.2)
  sprockets-rails
  strong_migrations
  table_print
  timecop
  traceroute
  tzinfo-data
  webmock
  will_paginate (~> 3.3.0)
  wkhtmltopdf-binary
  write_xlsx

BUNDLED WITH
   1.17.3
