GIT
  remote: https://github.com/mikian/sidekiq-cloudwatchmetrics.git
  revision: 55cd329f1a758ea906f37e5dc699701395ac500d
  specs:
    sidekiq-cloudwatchmetrics (2.1.0)
      aws-sdk-cloudwatch (~> 1.6)
      sidekiq (>= 5.0, < 7.0)

PATH
  remote: engines/address_book
  specs:
    address_book (1)
      geocoder
      organizations
      pg_search
      shared-runtime

PATH
  remote: engines/admiralty
  specs:
    admiralty (1)
      google_sign_in (~> 1.2.0)
      legacy
      organization_manager
      organizations
      quotations
      routing
      shared-runtime
      shipments
      trestle (~> 0.9.4)
      trestle-active_storage (~> 3.0.1)
      trestle-auth (~> 0.4.1)
      trestle-rails_event_store
      trestle-search (~> 0.4.3)
      trestle-sidekiq (~> 0.1.1)

PATH
  remote: engines/analytics
  specs:
    analytics (1)
      companies
      journey
      legacy
      organization_manager
      organizations
      pricings
      shared-runtime
      users

PATH
  remote: engines/api_auth
  specs:
    api_auth (1)
      active_model_serializers (~> 0.10, >= 0.10.8)
      doorkeeper (~> 5.0.2)
      organizations
      shared-runtime
      users

PATH
  remote: engines/api
  specs:
    api (1)
      active_model_serializers (~> 0.10.10)
      analytics
      api_auth
      cargo
      carta
      cms_data
      draper (~> 4.0)
      fast_jsonapi
      google-iam-credentials (~> 1.0.0)
      journey
      kaminari
      money_cache
      organization_manager
      organizations
      pricings
      profiles
      result_formatter
      routing
      sentry-rails
      shared-runtime
      treasury
      trucking
      user_services
      users
      wheelhouse

PATH
  remote: engines/cargo
  specs:
    cargo (1)
      legacy
      measured-itsmycargo
      measured-rails
      money-rails
      organization_manager
      organizations
      shared-runtime

PATH
  remote: engines/carta
  specs:
    carta (1)
      shared-runtime

PATH
  remote: engines/cms_data
  specs:
    cms_data (1)
      organizations
      shared-runtime

PATH
  remote: engines/companies
  specs:
    companies (1)
      legacy
      organizations
      paranoia
      pg_search
      shared-runtime
      users

PATH
  remote: engines/excel_data_services
  specs:
    excel_data_services (1)
      companies
      groups
      legacy
      locations
      mimemagic
      organization_manager
      organizations
      pricings
      roo
      roo-xls
      routing
      rover-df (= 0.2.4)
      shared-runtime
      trucking
      users
      write_xlsx

PATH
  remote: engines/federation
  specs:
    federation (1)
      organizations
      shared-runtime

PATH
  remote: engines/groups
  specs:
    groups (1)
      paranoia
      pg_search (~> 2.3.0)
      shared-runtime

PATH
  remote: engines/helmsman
  specs:
    helmsman (1)
      federation
      ledger
      organization_manager
      organizations
      routing
      shared-runtime
      tenant_routing

PATH
  remote: engines/idp
  specs:
    idp (1)
      doorkeeper
      organization_manager
      organizations
      profiles
      ruby-saml (~> 1.11.0)
      shared-runtime

PATH
  remote: engines/integrations
  specs:
    integrations (1)
      companies
      legacy
      organization_manager
      profiles
      shared-runtime
      shipments

PATH
  remote: engines/journey
  specs:
    journey (1)
      date_validator
      measured-itsmycargo
      measured-rails
      rein
      shared-runtime

PATH
  remote: engines/ledger
  specs:
    ledger (1)
      cargo
      money-rails
      organizations
      routing
      shared-runtime
      tenant_routing
      uuidtools

PATH
  remote: engines/legacy
  specs:
    legacy (1)
      active_model_serializers
      activejob-traffic_control
      activerecord-import
      draper
      fixer_currency (~> 3.4)
      geocoder
      groups
      mobility (~> 0.8.6)
      money-rails
      organizations
      paranoia
      pg_search (~> 2.3.0)
      shared-runtime
      uuidtools

PATH
  remote: engines/locations
  specs:
    locations (1)
      elasticsearch (~> 7.10.0)
      legacy
      rgeo
      rgeo-geojson
      searchkick (~> 4.4.0)
      shared-runtime

PATH
  remote: engines/notes
  specs:
    notes (1)
      legacy
      organizations
      pricings
      quotations
      shared-runtime

PATH
  remote: engines/notifications
  specs:
    notifications (1)
      companies
      draper
      journey
      liquid
      organizations
      pdf
      shared-runtime
      users

PATH
  remote: engines/offer_calculator
  specs:
    offer_calculator (1)
      cargo_packer
      chronic
      legacy
      measured
      money_cache
      notes
      organization_manager
      organizations
      pricings
      quotations
      result_formatter
      shared-runtime
      trucking

PATH
  remote: engines/organization_manager
  specs:
    organization_manager (1)
      companies
      groups
      legacy
      organizations
      shared-runtime
      users

PATH
  remote: engines/organizations
  specs:
    organizations (1)
      request_store
      shared-runtime

PATH
  remote: engines/pdf
  specs:
    pdf (1)
      draper (~> 4.0)
      legacy
      money_cache
      notes
      organization_manager
      organizations
      pdfkit
      pricings
      profiles
      quotations
      result_formatter
      shared-runtime
      wkhtmltopdf-binary

PATH
  remote: engines/pricings
  specs:
    pricings (1)
      companies
      geocoder
      groups
      legacy
      measured-itsmycargo
      measured-rails
      organization_manager
      organizations
      shared-runtime
      trucking
      uuidtools

PATH
  remote: engines/profiles
  specs:
    profiles (1)
      paranoia
      pg_search
      shared-runtime
      users

PATH
  remote: engines/quotations
  specs:
    quotations (1)
      cargo
      draper
      legacy
      money-rails
      organizations
      shared-runtime
      users

PATH
  remote: engines/rate_extractor
  specs:
    rate_extractor (1)
      cargo
      draper (~> 4.0)
      organization_manager
      quotations
      rates
      routing
      shared-runtime
      tenant_routing

PATH
  remote: engines/rates
  specs:
    rates (1)
      cargo
      organizations
      routing
      shared-runtime

PATH
  remote: engines/result_formatter
  specs:
    result_formatter (1)
      journey
      legacy
      money-open-exchange-rates
      money_cache
      pricings
      quotations
      shared-runtime
      treasury

PATH
  remote: engines/routing
  specs:
    routing (1)
      activerecord-import
      bitfields
      rgeo (~> 2.1.1)
      rgeo-geojson
      shared-runtime

PATH
  remote: engines/sequential
  specs:
    sequential (1)
      shared-runtime

PATH
  remote: engines/shipments
  specs:
    shipments (1)
      aasm
      address_book
      cargo
      measured-rails
      money-rails (~> 1.12)
      organizations
      quotations
      routing
      sequential
      shared-runtime

PATH
  remote: engines/tenant_routing
  specs:
    tenant_routing (1)
      bitfields
      organizations
      routing
      shared-runtime

PATH
  remote: engines/tender_calculator
  specs:
    tender_calculator (1)
      cargo
      rate_extractor
      rates
      shared-runtime
      tenant_routing

PATH
  remote: engines/treasury
  specs:
    treasury (1)
      shared-runtime

PATH
  remote: engines/trucking
  specs:
    trucking (1)
      geocoder
      groups
      legacy
      locations
      organizations
      paranoia
      roo
      roo-xls
      shared-runtime
      uuidtools
      will_paginate

PATH
  remote: engines/user_services
  specs:
    user_services (1)
      companies
      groups
      organizations
      shared-runtime
      users

PATH
  remote: engines/users
  specs:
    users (1)
      acts_as_paranoid (~> 0.6.3)
      organizations
      pg_search (~> 2.3.0)
      shared-runtime
      sorcery (~> 0.15)

PATH
  remote: engines/validator
  specs:
    validator (1)
      groups
      legacy
      organization_manager
      organizations
      pricings
      shared-runtime
      trucking

PATH
  remote: engines/wheelhouse
  specs:
    wheelhouse (1)
      cargo
      carta
      draper (~> 4.0)
      journey
      legacy
      offer_calculator
      organization_manager
      organizations
      pdf
      result_formatter
      shared-runtime
      write_xlsx

PATH
  remote: gems/cargo_packer
  specs:
    cargo_packer (1)
      activesupport (~> 5.2.2)
      rake (~> 13.0)

PATH
  remote: gems/measured-itsmycargo
  specs:
    measured-itsmycargo (1)
      activesupport (~> 5.2.2)
      measured
      rake (~> 13.0)

PATH
  remote: gems/money_cache
  specs:
    money_cache (1)
      activesupport (~> 5.2.2)
      money
      money-open-exchange-rates
      rake (~> 13.0)

PATH
  remote: gems/shared-factory
  specs:
    shared-factory (1)
      factory_bot_rails (~> 6.1)
      ffaker (~> 2.17)
      rails (= 5.2.2)

PATH
  remote: gems/shared-runtime
  specs:
    shared-runtime (1)
      activerecord-postgis-adapter (~> 5.2.2)
      activerecord-safer_migrations (~> 3.0)
      activestorage-cascade (~> 0.1.1)
      audited (~> 4.9)
      bootsnap (>= 1.1.0)
      config (~> 2.2)
      data_migrate (~> 6.5.0)
      paper_trail (~> 10.3)
      pg (>= 0.18, < 2.0)
      rails (= 5.2.2)
      rails_event_store (~> 1.2.2)
      sidekiq (~> 6.1)
      sidekiq-status (~> 1.1.4)
      skylight
      strong_migrations (~> 0.6)

GEM
  remote: https://rubygems.org/
  specs:
    aasm (5.1.1)
      concurrent-ruby (~> 1.0)
    actioncable (5.2.2)
      actionpack (= 5.2.2)
      nio4r (~> 2.0)
      websocket-driver (>= 0.6.1)
    actionmailer (5.2.2)
      actionpack (= 5.2.2)
      actionview (= 5.2.2)
      activejob (= 5.2.2)
      mail (~> 2.5, >= 2.5.4)
      rails-dom-testing (~> 2.0)
    actionpack (5.2.2)
      actionview (= 5.2.2)
      activesupport (= 5.2.2)
      rack (~> 2.0)
      rack-test (>= 0.6.3)
      rails-dom-testing (~> 2.0)
      rails-html-sanitizer (~> 1.0, >= 1.0.2)
    actionview (5.2.2)
      activesupport (= 5.2.2)
      builder (~> 3.1)
      erubi (~> 1.4)
      rails-dom-testing (~> 2.0)
      rails-html-sanitizer (~> 1.0, >= 1.0.3)
    active_model_serializers (0.10.10)
      actionpack (>= 4.1, < 6.1)
      activemodel (>= 4.1, < 6.1)
      case_transform (>= 0.2)
      jsonapi-renderer (>= 0.1.1.beta1, < 0.3)
    activejob (5.2.2)
      activesupport (= 5.2.2)
      globalid (>= 0.3.6)
    activejob-traffic_control (0.1.3)
      activejob (>= 4.2)
      activesupport (>= 4.2)
      suo
    activemodel (5.2.2)
      activesupport (= 5.2.2)
    activemodel-serializers-xml (1.0.2)
      activemodel (> 5.x)
      activesupport (> 5.x)
      builder (~> 3.1)
    activerecord (5.2.2)
      activemodel (= 5.2.2)
      activesupport (= 5.2.2)
      arel (>= 9.0)
    activerecord-import (1.0.2)
      activerecord (>= 3.2)
    activerecord-postgis-adapter (5.2.2)
      activerecord (~> 5.1)
      rgeo-activerecord (~> 6.0)
    activerecord-safer_migrations (3.0.0)
      activerecord (>= 5.2)
    activestorage (5.2.2)
      actionpack (= 5.2.2)
      activerecord (= 5.2.2)
      marcel (~> 0.3.1)
    activestorage-cascade (0.1.1)
      activestorage (>= 5.2.2)
    activesupport (5.2.2)
      concurrent-ruby (~> 1.0, >= 1.0.2)
      i18n (>= 0.7, < 2)
      minitest (~> 5.1)
      tzinfo (~> 1.1)
    acts_as_paranoid (0.6.3)
      activerecord (>= 4.2, < 7.0)
      activesupport (>= 4.2, < 7.0)
    addressable (2.7.0)
      public_suffix (>= 2.0.2, < 5.0)
    aggregate_root (1.2.2)
      ruby_event_store (= 1.2.2)
    annotate (3.1.1)
      activerecord (>= 3.2, < 7.0)
      rake (>= 10.4, < 14.0)
    arel (9.0.0)
    arkency-command_bus (0.4.0)
      thread_safe
    ast (2.4.2)
    audited (4.9.0)
      activerecord (>= 4.2, < 6.1)
    aws-eventstream (1.1.0)
    aws-partitions (1.354.0)
    aws-sdk-cloudwatch (1.44.0)
      aws-sdk-core (~> 3, >= 3.99.0)
      aws-sigv4 (~> 1.1)
    aws-sdk-core (3.104.3)
      aws-eventstream (~> 1, >= 1.0.2)
      aws-partitions (~> 1, >= 1.239.0)
      aws-sigv4 (~> 1.1)
      jmespath (~> 1.0)
    aws-sdk-kms (1.36.0)
      aws-sdk-core (~> 3, >= 3.99.0)
      aws-sigv4 (~> 1.1)
    aws-sdk-s3 (1.78.0)
      aws-sdk-core (~> 3, >= 3.104.3)
      aws-sdk-kms (~> 1)
      aws-sigv4 (~> 1.1)
    aws-sdk-sqs (1.30.0)
      aws-sdk-core (~> 3, >= 3.99.0)
      aws-sigv4 (~> 1.1)
    aws-sigv4 (1.2.1)
      aws-eventstream (~> 1, >= 1.0.2)
    bcrypt (3.1.16)
    better_errors (2.5.1)
      coderay (>= 1.0.0)
      erubi (>= 1.0.0)
      rack (>= 0.9.0)
    binding_of_caller (0.8.0)
      debug_inspector (>= 0.0.1)
    bitfields (0.14.0)
      activerecord (>= 5.1)
    bootsnap (1.5.1)
      msgpack (~> 1.0)
    bounded_context (1.2.2)
    builder (3.2.4)
    byebug (11.0.1)
    case_transform (0.2)
      activesupport
    choice (0.2.0)
    chronic (0.10.2)
    chronic_duration (0.10.6)
      numerizer (~> 0.1.1)
    coderay (1.1.2)
    committee (4.3.0)
      json_schema (~> 0.14, >= 0.14.3)
      openapi_parser (>= 0.11.1)
      rack (>= 1.5)
    concurrent-ruby (1.1.8)
    config (2.2.2)
      deep_merge (~> 1.2, >= 1.2.1)
      dry-validation (~> 1.0, >= 1.0.0)
    connection_pool (2.2.3)
    crack (0.4.3)
      safe_yaml (~> 1.0.0)
    crass (1.0.6)
    css_parser (1.7.1)
      addressable
    dalli (2.7.10)
    data_migrate (6.5.0)
      rails (>= 5.0)
    date_validator (0.10.0)
      activemodel (>= 3)
      activesupport (>= 3)
    debase (0.2.4.1)
      debase-ruby_core_source (>= 0.10.2)
    debase-ruby_core_source (0.10.5)
    debug_inspector (0.0.3)
    deep_merge (1.2.1)
    diff-lcs (1.4.4)
    diffy (3.4.0)
    docile (1.3.2)
    domain_name (0.5.20190701)
      unf (>= 0.0.5, < 1.0.0)
    doorkeeper (5.0.3)
      railties (>= 4.2)
    dotenv (2.7.6)
    dotenv-rails (2.7.6)
      dotenv (= 2.7.6)
      railties (>= 3.2)
    draper (4.0.1)
      actionpack (>= 5.0)
      activemodel (>= 5.0)
      activemodel-serializers-xml (>= 1.0)
      activesupport (>= 5.0)
      request_store (>= 1.0)
    dry-configurable (0.11.6)
      concurrent-ruby (~> 1.0)
      dry-core (~> 0.4, >= 0.4.7)
      dry-equalizer (~> 0.2)
    dry-container (0.7.2)
      concurrent-ruby (~> 1.0)
      dry-configurable (~> 0.1, >= 0.1.3)
    dry-core (0.4.10)
      concurrent-ruby (~> 1.0)
    dry-equalizer (0.3.0)
    dry-inflector (0.2.0)
    dry-initializer (3.0.4)
    dry-logic (1.0.8)
      concurrent-ruby (~> 1.0)
      dry-core (~> 0.2)
      dry-equalizer (~> 0.2)
    dry-schema (1.5.6)
      concurrent-ruby (~> 1.0)
      dry-configurable (~> 0.8, >= 0.8.3)
      dry-core (~> 0.4)
      dry-equalizer (~> 0.2)
      dry-initializer (~> 3.0)
      dry-logic (~> 1.0)
      dry-types (~> 1.4)
    dry-types (1.4.0)
      concurrent-ruby (~> 1.0)
      dry-container (~> 0.3)
      dry-core (~> 0.4, >= 0.4.4)
      dry-equalizer (~> 0.3)
      dry-inflector (~> 0.1, >= 0.1.2)
      dry-logic (~> 1.0, >= 1.0.2)
    dry-validation (1.6.0)
      concurrent-ruby (~> 1.0)
      dry-container (~> 0.7, >= 0.7.1)
      dry-core (~> 0.4)
      dry-equalizer (~> 0.2)
      dry-initializer (~> 3.0)
      dry-schema (~> 1.5, >= 1.5.2)
    easymon (1.4.2)
      redis
    elasticsearch (7.10.1)
      elasticsearch-api (= 7.10.1)
      elasticsearch-transport (= 7.10.1)
    elasticsearch-api (7.10.1)
      multi_json
    elasticsearch-transport (7.10.1)
      faraday (~> 1)
      multi_json
    erubi (1.10.0)
    et-orbi (1.2.4)
      tzinfo
    factory_bot (6.1.0)
      activesupport (>= 5.0.0)
    factory_bot_rails (6.1.0)
      factory_bot (~> 6.1.0)
      railties (>= 5.0.0)
    faraday (1.3.0)
      faraday-net_http (~> 1.0)
      multipart-post (>= 1.2, < 3)
      ruby2_keywords
    faraday-net_http (1.0.1)
    faraday_middleware-aws-sigv4 (0.3.0)
      aws-sigv4 (~> 1.0)
      faraday (>= 0.15)
    fast_jsonapi (1.5)
      activesupport (>= 4.2)
    ffaker (2.17.0)
    ffi (1.13.1)
    filterrific (5.2.1)
    fixer_currency (3.4.3)
      money (~> 6.7)
    font-awesome-rails (4.7.0.5)
      railties (>= 3.2, < 6.1)
    formatador (0.2.5)
    fugit (1.4.2)
      et-orbi (~> 1.1, >= 1.1.8)
      raabro (~> 1.4)
    fuubar (2.5.0)
      rspec-core (~> 3.0)
      ruby-progressbar (~> 1.4)
    gapic-common (0.7.0)
      faraday (~> 1.3)
      google-protobuf (~> 3.14)
      googleapis-common-protos (>= 1.3.11, < 2.a)
      googleapis-common-protos-types (>= 1.0.6, < 2.a)
      googleauth (>= 0.17.0, < 2.a)
      grpc (~> 1.36)
    geocoder (1.5.1)
    git (1.6.0)
      rchardet (~> 1.8)
    globalid (0.4.2)
      activesupport (>= 4.2.0)
    google-cloud-core (1.6.0)
      google-cloud-env (~> 1.0)
      google-cloud-errors (~> 1.0)
    google-cloud-env (1.5.0)
      faraday (>= 0.17.3, < 2.0)
    google-cloud-errors (1.1.0)
    google-iam-credentials (1.0.2)
      google-cloud-core (~> 1.6)
      google-iam-credentials-v1 (>= 0.3, < 2.a)
    google-iam-credentials-v1 (0.3.3)
      gapic-common (>= 0.7, < 2.a)
      google-cloud-errors (~> 1.0)
    google-id-token (1.4.2)
      jwt (>= 1)
    google-protobuf (3.17.3)
    google_sign_in (1.2.0)
      google-id-token (>= 1.4.0)
      oauth2 (>= 1.4.0)
      rails (>= 5.2.0)
    googleapis-common-protos (1.3.11)
      google-protobuf (~> 3.14)
      googleapis-common-protos-types (>= 1.0.6, < 2.0)
      grpc (~> 1.27)
    googleapis-common-protos-types (1.1.0)
      google-protobuf (~> 3.14)
    googleauth (0.17.1)
      faraday (>= 0.17.3, < 2.0)
      jwt (>= 1.4, < 3.0)
      memoist (~> 0.16)
      multi_json (~> 1.11)
      os (>= 0.9, < 2.0)
      signet (~> 0.15)
    grpc (1.38.0)
      google-protobuf (~> 3.15)
      googleapis-common-protos-types (~> 1.0)
    guard (2.16.2)
      formatador (>= 0.2.4)
      listen (>= 2.7, < 4.0)
      lumberjack (>= 1.0.12, < 2.0)
      nenv (~> 0.1)
      notiffany (~> 0.0)
      pry (>= 0.9.12)
      shellany (~> 0.0)
      thor (>= 0.18.1)
    guard-bundler (2.2.1)
      bundler (>= 1.3.0, < 3)
      guard (~> 2.2)
      guard-compat (~> 1.1)
    guard-compat (1.2.1)
    guard-rspec (4.7.3)
      guard (~> 2.1)
      guard-compat (~> 1.1)
      rspec (>= 2.99.0, < 4.0)
    hashdiff (1.0.0)
    hashie (3.6.0)
    holidays (7.1.0)
    htmlentities (4.3.4)
    http-cookie (1.0.3)
      domain_name (~> 0.5)
    i18n (1.8.9)
      concurrent-ruby (~> 1.0)
    jmespath (1.4.0)
    json-schema (2.8.1)
      addressable (>= 2.4)
    json_schema (0.20.9)
    jsonapi-renderer (0.2.2)
    jwt (2.2.2)
    kaminari (1.2.1)
      activesupport (>= 4.1.0)
      kaminari-actionview (= 1.2.1)
      kaminari-activerecord (= 1.2.1)
      kaminari-core (= 1.2.1)
    kaminari-actionview (1.2.1)
      actionview
      kaminari-core (= 1.2.1)
    kaminari-activerecord (1.2.1)
      activerecord
      kaminari-core (= 1.2.1)
    kaminari-core (1.2.1)
    kwalify (0.7.2)
    launchy (2.4.3)
      addressable (~> 2.3)
    lefthook (0.7.2)
    letter_opener (1.7.0)
      launchy (~> 2.2)
    liquid (4.0.3)
    listen (3.2.1)
      rb-fsevent (~> 0.10, >= 0.10.3)
      rb-inotify (~> 0.9, >= 0.9.10)
    lograge (0.11.2)
      actionpack (>= 4)
      activesupport (>= 4)
      railties (>= 4)
      request_store (~> 1.0)
    loofah (2.9.0)
      crass (~> 1.0.2)
      nokogiri (>= 1.5.9)
    lumberjack (1.2.8)
    mail (2.7.1)
      mini_mime (>= 0.1.1)
    mailgun-ruby (1.2.0)
      rest-client (~> 2.0.2)
    marcel (0.3.3)
      mimemagic (~> 0.3.2)
    marginalia (1.8.0)
      actionpack (>= 2.3)
      activerecord (>= 2.3)
    measured (2.5.2)
      activesupport (>= 5.0)
    measured-rails (2.5.2)
      activemodel (>= 4.2)
      activerecord (>= 4.2)
      measured (= 2.5.2)
      railties (>= 4.2)
    memoist (0.16.2)
    method_source (0.9.2)
    mime-types (3.3)
      mime-types-data (~> 3.2015)
    mime-types-data (3.2019.0904)
    mimemagic (0.3.8)
      nokogiri (~> 1)
    mini_magick (4.9.5)
    mini_mime (1.0.2)
    mini_portile2 (2.5.0)
    minitest (5.14.4)
    mjml-rails (4.3.1)
    mobility (0.8.8)
      i18n (>= 0.6.10, < 2)
      request_store (~> 1.0)
    monetize (1.9.2)
      money (~> 6.12)
    money (6.13.4)
      i18n (>= 0.6.4, <= 2)
    money-open-exchange-rates (1.3.0)
      money (~> 6.12)
    money-rails (1.13.3)
      activesupport (>= 3.0)
      monetize (~> 1.9.0)
      money (~> 6.13.2)
      railties (>= 3.0)
    msgpack (1.2.10)
    multi_json (1.15.0)
    multi_xml (0.6.0)
    multipart-post (2.1.1)
    mustermann (1.1.1)
      ruby2_keywords (~> 0.0.1)
    nenv (0.3.0)
    netrc (0.11.0)
    nio4r (2.5.4)
    nokogiri (1.11.1)
      mini_portile2 (~> 2.5.0)
      racc (~> 1.4)
    notiffany (0.1.3)
      nenv (~> 0.1)
      shellany (~> 0.0)
    numerizer (0.1.1)
    numo-narray (0.9.2.0)
    oauth (0.5.6)
    oauth2 (1.4.4)
      faraday (>= 0.8, < 2.0)
      jwt (>= 1.0, < 3.0)
      multi_json (~> 1.3)
      multi_xml (~> 0.5)
      rack (>= 1.2, < 3)
    oj (3.10.6)
    omniauth (1.9.0)
      hashie (>= 3.4.6, < 3.7.0)
      rack (>= 1.6.2, < 3)
    openapi_parser (0.12.1)
    os (1.0.1)
    paper_trail (10.3.1)
      activerecord (>= 4.2)
      request_store (~> 1.1)
    parallel (1.20.1)
    paranoia (2.4.2)
      activerecord (>= 4.0, < 6.1)
    parser (3.0.0.0)
      ast (~> 2.4.1)
    pdfkit (0.8.4.1)
    pg (1.2.3)
    pg_search (2.3.0)
      activerecord (>= 4.2)
      activesupport (>= 4.2)
    premailer (1.12.1)
      addressable
      css_parser (>= 1.6.0)
      htmlentities (>= 4.0.0)
    premailer-rails (1.11.1)
      actionmailer (>= 3)
      premailer (~> 1.7, >= 1.7.9)
    pry (0.12.2)
      coderay (~> 1.1.0)
      method_source (~> 0.9.0)
    pry-rails (0.3.9)
      pry (>= 0.10.4)
    public_suffix (4.0.6)
    puma (5.1.0)
      nio4r (~> 2.0)
    puma-cloudwatch (0.4.4)
      aws-sdk-cloudwatch
    raabro (1.4.0)
    racc (1.5.2)
    rack (2.2.3)
    rack-cors (1.0.5)
      rack (>= 1.6.0)
    rack-protection (2.0.8.1)
      rack
    rack-test (1.1.0)
      rack (>= 1.0, < 3)
    rails (5.2.2)
      actioncable (= 5.2.2)
      actionmailer (= 5.2.2)
      actionpack (= 5.2.2)
      actionview (= 5.2.2)
      activejob (= 5.2.2)
      activemodel (= 5.2.2)
      activerecord (= 5.2.2)
      activestorage (= 5.2.2)
      activesupport (= 5.2.2)
      bundler (>= 1.3.0)
      railties (= 5.2.2)
      sprockets-rails (>= 2.0.0)
    rails-dom-testing (2.0.3)
      activesupport (>= 4.2.0)
      nokogiri (>= 1.6)
    rails-erd (1.6.0)
      activerecord (>= 4.2)
      activesupport (>= 4.2)
      choice (~> 0.2.0)
      ruby-graphviz (~> 1.2)
    rails-html-sanitizer (1.3.0)
      loofah (~> 2.3)
    rails-i18n (5.1.3)
      i18n (>= 0.7, < 2)
      railties (>= 5.0, < 6)
    rails_event_store (1.2.2)
      activejob (>= 3.0)
      activemodel (>= 3.0)
      activesupport (>= 3.0)
      aggregate_root (= 1.2.2)
      arkency-command_bus (>= 0.4)
      bounded_context (= 1.2.2)
      rails_event_store_active_record (= 1.2.2)
      ruby_event_store (= 1.2.2)
      ruby_event_store-browser (= 1.2.2)
    rails_event_store_active_record (1.2.2)
      activemodel (>= 3.0)
      activerecord-import (>= 1.0.2)
      activesupport (>= 3.0)
      ruby_event_store (= 1.2.2)
    railties (5.2.2)
      actionpack (= 5.2.2)
      activesupport (= 5.2.2)
      method_source
      rake (>= 0.8.7)
      thor (>= 0.19.0, < 2.0)
    rainbow (3.0.0)
    rake (13.0.3)
    rb-fsevent (0.10.4)
    rb-inotify (0.10.1)
      ffi (~> 1.0)
    rchardet (1.8.0)
    recipient_interceptor (0.2.0)
      mail
    redis (4.2.1)
    reek (6.0.6)
      kwalify (~> 0.7.0)
      parser (~> 3.0.0)
      rainbow (>= 2.0, < 4.0)
    regexp_parser (2.1.1)
    rein (5.1.0)
      activerecord (>= 4.0.0)
      activesupport (>= 4.0.0)
    request_store (1.4.1)
      rack (>= 1.4)
    rest-client (2.0.2)
      http-cookie (>= 1.0.2, < 2.0)
      mime-types (>= 1.16, < 4.0)
      netrc (~> 0.8)
    rexml (3.2.4)
    rgeo (2.1.1)
    rgeo-activerecord (6.2.1)
      activerecord (>= 5.0)
      rgeo (>= 1.0.0)
    rgeo-geojson (2.1.1)
      rgeo (>= 1.0.0)
    roo (2.8.2)
      nokogiri (~> 1)
      rubyzip (>= 1.2.1, < 2.0.0)
    roo-xls (1.2.0)
      nokogiri
      roo (>= 2.0.0, < 3)
      spreadsheet (> 0.9.0)
    rover-df (0.2.4)
      numo-narray (>= 0.9.1.9)
    rspec (3.10.0)
      rspec-core (~> 3.10.0)
      rspec-expectations (~> 3.10.0)
      rspec-mocks (~> 3.10.0)
    rspec-core (3.10.0)
      rspec-support (~> 3.10.0)
    rspec-expectations (3.10.0)
      diff-lcs (>= 1.2.0, < 2.0)
      rspec-support (~> 3.10.0)
    rspec-instafail (1.0.0)
      rspec
    rspec-mocks (3.10.0)
      diff-lcs (>= 1.2.0, < 2.0)
      rspec-support (~> 3.10.0)
    rspec-rails (4.0.1)
      actionpack (>= 4.2)
      activesupport (>= 4.2)
      railties (>= 4.2)
      rspec-core (~> 3.9)
      rspec-expectations (~> 3.9)
      rspec-mocks (~> 3.9)
      rspec-support (~> 3.9)
    rspec-retry (0.6.2)
      rspec-core (> 3.3)
    rspec-support (3.10.0)
    rspec_count_formatter (0.1.3)
      rspec-core
    rspec_junit_formatter (0.4.1)
      rspec-core (>= 2, < 4, != 2.12.0)
    rswag-api (2.3.1)
      railties (>= 3.1, < 7.0)
    rswag-specs (2.4.0)
      activesupport (>= 3.1, < 7.0)
      json-schema (~> 2.2)
      railties (>= 3.1, < 7.0)
    rubocop (1.6.1)
      parallel (~> 1.10)
      parser (>= 2.7.1.5)
      rainbow (>= 2.2.2, < 4.0)
      regexp_parser (>= 1.8, < 3.0)
      rexml
      rubocop-ast (>= 1.2.0, < 2.0)
      ruby-progressbar (~> 1.7)
      unicode-display_width (>= 1.4.0, < 2.0)
    rubocop-ast (1.4.1)
      parser (>= 2.7.1.5)
    rubocop-github (0.16.1)
      rubocop (<= 1.6.1)
      rubocop-performance (<= 1.7.1)
      rubocop-rails (<= 2.7.1)
    rubocop-performance (1.7.1)
      rubocop (>= 0.82.0)
    rubocop-rails (2.6.0)
      activesupport (>= 4.2.0)
      rack (>= 1.1)
      rubocop (>= 0.82.0)
    rubocop-rspec (2.2.0)
      rubocop (~> 1.0)
      rubocop-ast (>= 1.1.0)
    ruby-debug-ide (0.7.0)
      rake (>= 0.8.1)
    ruby-graphviz (1.2.4)
    ruby-ole (1.2.12.2)
    ruby-progressbar (1.11.0)
    ruby-saml (1.11.0)
      nokogiri (>= 1.5.10)
    ruby2_keywords (0.0.2)
    ruby_event_store (1.2.2)
      concurrent-ruby (~> 1.0, >= 1.1.6)
    ruby_event_store-browser (1.2.2)
      ruby_event_store (= 1.2.2)
      sinatra
    rubyzip (1.3.0)
    safe_yaml (1.0.5)
    sass-rails (6.0.0)
      sassc-rails (~> 2.1, >= 2.1.1)
    sassc (2.4.0)
      ffi (~> 1.9)
    sassc-rails (2.1.2)
      railties (>= 4.0.0)
      sassc (>= 2.0)
      sprockets (> 3.0)
      sprockets-rails
      tilt
    scientist (1.6.0)
    searchkick (4.4.4)
      activemodel (>= 5)
      elasticsearch (>= 6)
      hashie
    sentry-rails (4.2.2)
      rails (>= 5.0)
      sentry-ruby-core (~> 4.2.0)
    sentry-ruby (4.2.2)
      concurrent-ruby (~> 1.0, >= 1.0.2)
      faraday (>= 1.0)
      sentry-ruby-core (= 4.2.2)
    sentry-ruby-core (4.2.2)
      concurrent-ruby
      faraday
    sentry-sidekiq (4.2.1)
      sentry-ruby-core (~> 4.2.0)
    shellany (0.0.1)
    shoulda-matchers (4.1.2)
      activesupport (>= 4.2.0)
    sidekiq (6.1.0)
      connection_pool (>= 2.2.2)
      rack (~> 2.0)
      redis (>= 4.2.0)
    sidekiq-cron (1.2.0)
      fugit (~> 1.1)
      sidekiq (>= 4.2.1)
    sidekiq-failures (1.0.0)
      sidekiq (>= 4.0.0)
    sidekiq-status (1.1.4)
      chronic_duration
      sidekiq (>= 3.0)
    sidekiq_liveness (0.5.0)
      rack (~> 2.2)
      sidekiq (~> 6, > 6)
      webrick (~> 1.6)
    signet (0.15.0)
      addressable (~> 2.3)
      faraday (>= 0.17.3, < 2.0)
      jwt (>= 1.5, < 3.0)
      multi_json (~> 1.10)
    simplecov (0.18.5)
      docile (~> 1.1)
      simplecov-html (~> 0.11)
    simplecov-cobertura (1.3.1)
      simplecov (~> 0.8)
    simplecov-html (0.12.2)
    sinatra (2.0.8.1)
      mustermann (~> 1.0)
      rack (~> 2.0)
      rack-protection (= 2.0.8.1)
      tilt (~> 2.0)
    skylight (4.3.1)
      skylight-core (= 4.3.1)
    skylight-core (4.3.1)
      activesupport (>= 4.2.0)
    sorcery (0.16.1)
      bcrypt (~> 3.1)
      oauth (~> 0.5, >= 0.5.5)
      oauth2 (~> 1.0, >= 0.8.0)
    spreadsheet (1.2.4)
      ruby-ole (>= 1.0)
    spring (2.1.0)
    spring-watcher-listen (2.0.1)
      listen (>= 2.7, < 4.0)
      spring (>= 1.2, < 3.0)
    sprockets (3.7.2)
      concurrent-ruby (~> 1.0)
      rack (> 1, < 3)
    sprockets-rails (3.2.1)
      actionpack (>= 4.0)
      activesupport (>= 4.0)
      sprockets (>= 3.0.0)
    strong_migrations (0.7.3)
      activerecord (>= 5)
    suo (0.3.4)
      dalli
      msgpack
      redis
    table_print (1.5.6)
    thor (1.1.0)
    thread_safe (0.3.6)
    tilt (2.0.10)
    timecop (0.9.1)
    traceroute (0.8.0)
      rails (>= 3.0.0)
    trestle (0.9.5)
      activemodel (>= 4.2.0)
      kaminari (>= 1.1.0)
      railties (>= 4.2.0)
      sprockets-rails (>= 2.0.0)
    trestle-active_storage (3.0.1)
      rails (>= 5.2, < 7)
      trestle (~> 0.9.0, >= 0.9.3)
    trestle-auth (0.4.3)
      bcrypt (~> 3.1.7)
      trestle (~> 0.9.0, >= 0.9.3)
    trestle-rails_event_store (0.1.0)
      rails_event_store
      trestle (~> 0.8)
      trestle-auth (~> 0.2, >= 0.2.3)
    trestle-search (0.4.3)
      trestle (~> 0.9.0, >= 0.9.3)
    trestle-sidekiq (0.1.1)
      sidekiq
      trestle (~> 0.8)
      trestle-auth (~> 0.2, >= 0.2.3)
    tzinfo (1.2.9)
      thread_safe (~> 0.1)
    unf (0.1.4)
      unf_ext
    unf_ext (0.0.7.6)
    unicode-display_width (1.7.0)
    uuidtools (2.2.0)
    webmock (3.7.5)
      addressable (>= 2.3.6)
      crack (>= 0.3.2)
      hashdiff (>= 0.4.0, < 2.0.0)
    webrick (1.7.0)
    websocket-driver (0.7.1)
      websocket-extensions (>= 0.1.0)
    websocket-extensions (0.1.4)
    will_paginate (3.3.0)
    wkhtmltopdf-binary (0.12.4)
    write_xlsx (0.85.7)
      rubyzip (>= 1.0.0)
      zip-zip
    zip-zip (0.3)
      rubyzip (>= 1.0.0)

PLATFORMS
  ruby

DEPENDENCIES
  activejob-traffic_control
  activerecord-import
  address_book!
  admiralty!
  analytics!
  annotate (~> 3.0)
  api!
  api_auth!
  aws-sdk-s3 (~> 1.78.0)
  aws-sdk-sqs (~> 1.30.0)
  better_errors
  binding_of_caller
  byebug
  cargo!
  cargo_packer!
  carta!
  chronic
  cms_data!
  committee (~> 4.3)
  companies!
  dalli
  debase
  diffy (~> 3.4.0)
  dotenv-rails
  easymon
  excel_data_services!
  faraday_middleware-aws-sigv4
  federation!
  filterrific
  font-awesome-rails
  fuubar
  geocoder
  git
  groups!
  guard (~> 2.16)
  guard-bundler
  guard-rspec
  helmsman!
  holidays
  idp!
  integrations!
  journey!
  ledger!
  lefthook
  legacy!
  letter_opener (~> 1.6)
  liquid
  listen (>= 3.0.5, < 3.3)
  locations!
  lograge
  mailgun-ruby (~> 1.2.0)
  marginalia (~> 1.5)
  measured-itsmycargo!
  mimemagic (~> 0.3.8)
  mini_magick
  mjml-rails (~> 4.1)
  monetize
  money
  money-open-exchange-rates
  money-rails
  money_cache!
  nokogiri
  notes!
  notifications!
  offer_calculator!
  oj
  omniauth
  organization_manager!
  organizations!
  os
  paranoia (~> 2.2)
  pdf!
  pdfkit
  pg_search (~> 2.3.0)
  premailer-rails
  pricings!
  profiles!
  pry-rails
  puma (< 6)
  puma-cloudwatch
  quotations!
  rack-cors
  rails-erd
  rails-i18n
  rate_extractor!
  rates!
  recipient_interceptor
  reek
  result_formatter!
  rgeo (~> 2.1.1)
  rgeo-geojson
  roo
  roo-xls
  routing!
  rspec (~> 3.10)
  rspec-instafail
  rspec-rails
  rspec-retry
  rspec_count_formatter
  rspec_junit_formatter
  rswag-api
  rswag-specs
  rubocop-github (= 0.16.1)
  rubocop-rspec (~> 2.2.0)
  ruby-debug-ide
  ruby-saml (~> 1.11.0)
  sass-rails
  scientist (~> 1.6.0)
  sentry-rails
  sentry-ruby
  sentry-sidekiq
  sequential!
  shared-factory!
  shared-runtime!
  shipments!
  shoulda-matchers
  sidekiq-cloudwatchmetrics!
  sidekiq-cron (~> 1.1)
  sidekiq-failures
  sidekiq_liveness (~> 0.5.0)
  simplecov
  simplecov-cobertura
  spring
  spring-watcher-listen (~> 2.0.0)
  sprockets (~> 3.7.2)
  sprockets-rails
  table_print
  tenant_routing!
  tender_calculator!
  timecop
  traceroute
  treasury!
  trucking!
  user_services!
  users!
  validator!
  webmock
  wheelhouse!
  will_paginate (~> 3.3.0)
  wkhtmltopdf-binary
  write_xlsx

BUNDLED WITH
   1.17.3
